STORAGE: NONE
RESTRICTION: || (== netcoreapp3.1) (== netstandard2.1)
NUGET
  remote: https://api.nuget.org/v3/index.json
    FSharp.Core (5.0)
    Informedica.GenUtils.Lib (0.5.0-beta)
      MathNet.Numerics.FSharp
    MathNet.Numerics (4.12)
    MathNet.Numerics.FSharp (4.12)
      FSharp.Core (>= 4.3.3)
      MathNet.Numerics (>= 4.12)

GROUP Build
STORAGE: NONE
RESTRICTION: == netstandard2.0
NUGET
  remote: https://api.nuget.org/v3/index.json
    BlackFox.VsWhere (1.1)
      FSharp.Core (>= 4.2.3)
      Microsoft.Win32.Registry (>= 4.7)
    Fake.Core.CommandLineParsing (5.20.3)
      FParsec (>= 1.1.1)
      FSharp.Core (>= 4.7.2)
    Fake.Core.Context (5.20.3)
      FSharp.Core (>= 4.7.2)
    Fake.Core.Environment (5.20.3)
      FSharp.Core (>= 4.7.2)
    Fake.Core.FakeVar (5.20.3)
      Fake.Core.Context (>= 5.20.3)
      FSharp.Core (>= 4.7.2)
    Fake.Core.Process (5.20.3)
      Fake.Core.Environment (>= 5.20.3)
      Fake.Core.FakeVar (>= 5.20.3)
      Fake.Core.String (>= 5.20.3)
      Fake.Core.Trace (>= 5.20.3)
      Fake.IO.FileSystem (>= 5.20.3)
      FSharp.Core (>= 4.7.2)
      System.Collections.Immutable (>= 1.7.1)
    Fake.Core.ReleaseNotes (5.20.3)
      Fake.Core.SemVer (>= 5.20.3)
      Fake.Core.String (>= 5.20.3)
      FSharp.Core (>= 4.7.2)
    Fake.Core.SemVer (5.20.3)
      FSharp.Core (>= 4.7.2)
    Fake.Core.String (5.20.3)
      FSharp.Core (>= 4.7.2)
    Fake.Core.Target (5.20.3)
      Fake.Core.CommandLineParsing (>= 5.20.3)
      Fake.Core.Context (>= 5.20.3)
      Fake.Core.Environment (>= 5.20.3)
      Fake.Core.FakeVar (>= 5.20.3)
      Fake.Core.Process (>= 5.20.3)
      Fake.Core.String (>= 5.20.3)
      Fake.Core.Trace (>= 5.20.3)
      FSharp.Control.Reactive (>= 4.4.2)
      FSharp.Core (>= 4.7.2)
    Fake.Core.Tasks (5.20.3)
      Fake.Core.Trace (>= 5.20.3)
      FSharp.Core (>= 4.7.2)
    Fake.Core.Trace (5.20.3)
      Fake.Core.Environment (>= 5.20.3)
      Fake.Core.FakeVar (>= 5.20.3)
      FSharp.Core (>= 4.7.2)
    Fake.Core.Xml (5.20.3)
      Fake.Core.String (>= 5.20.3)
      FSharp.Core (>= 4.7.2)
    Fake.DotNet.Cli (5.20.3)
      Fake.Core.Environment (>= 5.20.3)
      Fake.Core.Process (>= 5.20.3)
      Fake.Core.String (>= 5.20.3)
      Fake.Core.Trace (>= 5.20.3)
      Fake.DotNet.MSBuild (>= 5.20.3)
      Fake.DotNet.NuGet (>= 5.20.3)
      Fake.IO.FileSystem (>= 5.20.3)
      FSharp.Core (>= 4.7.2)
      Mono.Posix.NETStandard (>= 1.0)
      Newtonsoft.Json (>= 12.0.3)
    Fake.DotNet.MSBuild (5.20.3)
      BlackFox.VsWhere (>= 1.1)
      Fake.Core.Environment (>= 5.20.3)
      Fake.Core.Process (>= 5.20.3)
      Fake.Core.String (>= 5.20.3)
      Fake.Core.Trace (>= 5.20.3)
      Fake.IO.FileSystem (>= 5.20.3)
      FSharp.Core (>= 4.7.2)
      MSBuild.StructuredLogger (>= 2.1.176)
    Fake.DotNet.NuGet (5.20.3)
      Fake.Core.Environment (>= 5.20.3)
      Fake.Core.Process (>= 5.20.3)
      Fake.Core.SemVer (>= 5.20.3)
      Fake.Core.String (>= 5.20.3)
      Fake.Core.Tasks (>= 5.20.3)
      Fake.Core.Trace (>= 5.20.3)
      Fake.Core.Xml (>= 5.20.3)
      Fake.IO.FileSystem (>= 5.20.3)
      Fake.Net.Http (>= 5.20.3)
      FSharp.Core (>= 4.7.2)
      Newtonsoft.Json (>= 12.0.3)
      NuGet.Protocol (>= 5.6)
    Fake.IO.FileSystem (5.20.3)
      Fake.Core.String (>= 5.20.3)
      FSharp.Core (>= 4.7.2)
    Fake.Net.Http (5.20.3)
      Fake.Core.Trace (>= 5.20.3)
      FSharp.Core (>= 4.7.2)
    FParsec (1.1.1)
      FSharp.Core (>= 4.3.4)
    FSharp.Control.Reactive (4.4.2)
      FSharp.Core (>= 4.7.2)
      System.Reactive (>= 4.4.1)
    FSharp.Core (5.0)
    Microsoft.Build (16.8)
    Microsoft.Build.Framework (16.8)
      System.Security.Permissions (>= 4.7)
    Microsoft.Build.Tasks.Core (16.8)
      Microsoft.Build.Framework (>= 16.8)
      Microsoft.Build.Utilities.Core (>= 16.8)
      Microsoft.Win32.Registry (>= 4.3)
      System.CodeDom (>= 4.4)
      System.Collections.Immutable (>= 1.5)
      System.Reflection.Metadata (>= 1.6)
      System.Reflection.TypeExtensions (>= 4.1)
      System.Resources.Extensions (>= 4.6)
      System.Runtime.InteropServices (>= 4.3)
      System.Security.Cryptography.Pkcs (>= 4.7)
      System.Security.Cryptography.Xml (>= 4.7)
      System.Security.Permissions (>= 4.7)
      System.Threading.Tasks.Dataflow (>= 4.9)
    Microsoft.Build.Utilities.Core (16.8)
      Microsoft.Build.Framework (>= 16.8)
      Microsoft.Win32.Registry (>= 4.3)
      System.Collections.Immutable (>= 1.5)
      System.Security.Permissions (>= 4.7)
      System.Text.Encoding.CodePages (>= 4.0.1)
    Microsoft.NETCore.Platforms (5.0)
    Microsoft.NETCore.Targets (5.0)
    Microsoft.Win32.Registry (5.0)
      System.Buffers (>= 4.5.1)
      System.Memory (>= 4.5.4)
      System.Security.AccessControl (>= 5.0)
      System.Security.Principal.Windows (>= 5.0)
    Mono.Posix.NETStandard (1.0)
    MSBuild.StructuredLogger (2.1.215)
      Microsoft.Build (>= 16.4)
      Microsoft.Build.Framework (>= 16.4)
      Microsoft.Build.Tasks.Core (>= 16.4)
      Microsoft.Build.Utilities.Core (>= 16.4)
    Newtonsoft.Json (12.0.3)
    NuGet.Common (5.8)
      NuGet.Frameworks (>= 5.8)
    NuGet.Configuration (5.8)
      NuGet.Common (>= 5.8)
      System.Security.Cryptography.ProtectedData (>= 4.4)
    NuGet.Frameworks (5.8)
    NuGet.Packaging (5.8)
      Newtonsoft.Json (>= 9.0.1)
      NuGet.Configuration (>= 5.8)
      NuGet.Versioning (>= 5.8)
      System.Security.Cryptography.Cng (>= 5.0.0-preview.3.20214.6)
      System.Security.Cryptography.Pkcs (>= 5.0.0-preview.3.20214.6)
    NuGet.Protocol (5.8)
      NuGet.Packaging (>= 5.8)
    NuGet.Versioning (5.8)
    System.Buffers (4.5.1)
    System.CodeDom (5.0)
    System.Collections.Immutable (5.0)
      System.Memory (>= 4.5.4)
    System.Formats.Asn1 (5.0)
      System.Buffers (>= 4.5.1)
      System.Memory (>= 4.5.4)
    System.IO (4.3)
      Microsoft.NETCore.Platforms (>= 1.1)
      Microsoft.NETCore.Targets (>= 1.1)
      System.Runtime (>= 4.3)
      System.Text.Encoding (>= 4.3)
      System.Threading.Tasks (>= 4.3)
    System.Memory (4.5.4)
      System.Buffers (>= 4.5.1)
      System.Numerics.Vectors (>= 4.4)
      System.Runtime.CompilerServices.Unsafe (>= 4.5.3)
    System.Numerics.Vectors (4.5)
    System.Reactive (5.0)
      System.Runtime.InteropServices.WindowsRuntime (>= 4.3)
      System.Threading.Tasks.Extensions (>= 4.5.4)
    System.Reflection (4.3)
      Microsoft.NETCore.Platforms (>= 1.1)
      Microsoft.NETCore.Targets (>= 1.1)
      System.IO (>= 4.3)
      System.Reflection.Primitives (>= 4.3)
      System.Runtime (>= 4.3)
    System.Reflection.Metadata (5.0)
      System.Collections.Immutable (>= 5.0)
    System.Reflection.Primitives (4.3)
      Microsoft.NETCore.Platforms (>= 1.1)
      Microsoft.NETCore.Targets (>= 1.1)
      System.Runtime (>= 4.3)
    System.Reflection.TypeExtensions (4.7)
    System.Resources.Extensions (5.0)
      System.Memory (>= 4.5.4)
    System.Runtime (4.3.1)
      Microsoft.NETCore.Platforms (>= 1.1.1)
      Microsoft.NETCore.Targets (>= 1.1.3)
    System.Runtime.CompilerServices.Unsafe (5.0)
    System.Runtime.Handles (4.3)
      Microsoft.NETCore.Platforms (>= 1.1)
      Microsoft.NETCore.Targets (>= 1.1)
      System.Runtime (>= 4.3)
    System.Runtime.InteropServices (4.3)
      Microsoft.NETCore.Platforms (>= 1.1)
      Microsoft.NETCore.Targets (>= 1.1)
      System.Reflection (>= 4.3)
      System.Reflection.Primitives (>= 4.3)
      System.Runtime (>= 4.3)
      System.Runtime.Handles (>= 4.3)
    System.Runtime.InteropServices.WindowsRuntime (4.3)
      System.Runtime (>= 4.3)
    System.Security.AccessControl (5.0)
      System.Security.Principal.Windows (>= 5.0)
    System.Security.Cryptography.Cng (5.0)
    System.Security.Cryptography.Pkcs (5.0)
      System.Buffers (>= 4.5.1)
      System.Formats.Asn1 (>= 5.0)
      System.Memory (>= 4.5.4)
      System.Security.Cryptography.Cng (>= 5.0)
    System.Security.Cryptography.ProtectedData (5.0)
      System.Memory (>= 4.5.4)
    System.Security.Cryptography.Xml (5.0)
      System.Memory (>= 4.5.4)
      System.Security.Cryptography.Pkcs (>= 5.0)
      System.Security.Permissions (>= 5.0)
    System.Security.Permissions (5.0)
      System.Security.AccessControl (>= 5.0)
    System.Security.Principal.Windows (5.0)
    System.Text.Encoding (4.3)
      Microsoft.NETCore.Platforms (>= 1.1)
      Microsoft.NETCore.Targets (>= 1.1)
      System.Runtime (>= 4.3)
    System.Text.Encoding.CodePages (5.0)
      System.Runtime.CompilerServices.Unsafe (>= 5.0)
    System.Threading.Tasks (4.3)
      Microsoft.NETCore.Platforms (>= 1.1)
      Microsoft.NETCore.Targets (>= 1.1)
      System.Runtime (>= 4.3)
    System.Threading.Tasks.Dataflow (5.0)
    System.Threading.Tasks.Extensions (4.5.4)
      System.Runtime.CompilerServices.Unsafe (>= 4.5.3)

GROUP Client
STORAGE: NONE
RESTRICTION: == netstandard2.1
NUGET
  remote: https://api.nuget.org/v3/index.json
    Fable.AST (3.0.0-nagareyama-rc-001)
    Fable.Browser.Blob (1.1)
      Fable.Core (>= 3.0)
      FSharp.Core (>= 4.6.2)
    Fable.Browser.Dom (2.1.2)
      Fable.Browser.Blob (>= 1.1)
      Fable.Browser.Event (>= 1.2.1)
      Fable.Browser.WebStorage (>= 1.0)
      Fable.Core (>= 3.0)
      FSharp.Core (>= 4.7.1)
    Fable.Browser.Event (1.2.1)
      Fable.Core (>= 3.0)
      FSharp.Core (>= 4.7)
    Fable.Browser.Geolocation (1.0)
      Fable.Core (>= 3.0)
      FSharp.Core (>= 4.7)
    Fable.Browser.MediaStream (3.0)
      Fable.Browser.Dom (>= 2.1.2)
      Fable.Browser.Event (>= 1.2.1)
      Fable.Core (>= 3.0)
      FSharp.Core (>= 4.7.1)
    Fable.Browser.Navigator (1.1)
      Fable.Browser.Geolocation (>= 1.0)
      Fable.Browser.MediaStream (>= 2.0.1)
      Fable.Browser.Worker (>= 1.0.1)
      Fable.Core (>= 3.0)
      FSharp.Core (>= 4.7.1)
    Fable.Browser.WebStorage (1.0)
      Fable.Browser.Event (>= 1.0)
      Fable.Core (>= 3.0)
      FSharp.Core (>= 4.5.2)
    Fable.Browser.Worker (1.0.1)
      Fable.Browser.Event (>= 1.2.1)
      Fable.Core (>= 3.0)
      FSharp.Core (>= 4.7)
    Fable.Browser.XMLHttpRequest (1.1.2)
      Fable.Browser.Blob (>= 1.1)
      Fable.Browser.Event (>= 1.2.1)
      Fable.Core (>= 3.0)
      FSharp.Core (>= 4.7)
    Fable.Core (3.1.6)
      FSharp.Core (>= 4.7.1)
    Fable.Elmish (3.1)
      Fable.Core (>= 3.0)
      FSharp.Core (>= 4.6.2)
    Fable.Elmish.Browser (3.0.4)
      Fable.Browser.Dom (>= 1.0)
      Fable.Core (>= 3.0)
      Fable.Elmish (>= 3.0)
      FSharp.Core (>= 4.6.2)
    Fable.Elmish.Debugger (3.2)
      Fable.Core (>= 3.1.5)
      Fable.Elmish (>= 3.0)
      FSharp.Core (>= 4.7)
      Thoth.Json (>= 4.0)
    Fable.Elmish.HMR (4.0.1)
      Fable.Core (>= 3.0)
      Fable.Elmish.Browser (>= 3.0)
      Fable.Elmish.React (>= 3.0.1)
      FSharp.Core (>= 4.6.2)
    Fable.Elmish.React (3.0.1)
      Fable.Core (>= 3.0)
      Fable.Elmish (>= 3.0)
      Fable.React (>= 5.1)
      FSharp.Core (>= 4.6.2)
    Fable.Fetch (2.2)
      Fable.Browser.Blob (>= 1.1)
      Fable.Core (>= 3.0)
      Fable.Promise (>= 2.0)
      FSharp.Core (>= 4.7)
    Fable.FontAwesome (2.0)
      Fable.Core (>= 3.0)
      Fable.React (>= 5.1)
    Fable.FontAwesome.Free (2.1)
      Fable.Core (>= 3.0)
      Fable.FontAwesome (>= 2.0)
      Fable.React (>= 5.1)
    Fable.MaterialUI.Icons (1.3)
      Fable.Core (>= 3.0)
      Fable.React (>= 5.2.1)
    Fable.Parsimmon (4.1)
      Fable.Core (>= 3.0)
      FSharp.Core (>= 4.6.2)
    Fable.Promise (2.1)
      Fable.Core (>= 3.1.5)
      FSharp.Core (>= 4.7)
    Fable.React (7.0.1)
      Fable.Browser.Dom (>= 2.0.1)
      Fable.Core (>= 3.1.5)
      FSharp.Core (>= 4.7.1)
    Fable.Remoting.Client (7.2)
      Fable.Browser.XMLHttpRequest (>= 1.0)
      Fable.Core (>= 3.1.5)
      Fable.Remoting.MsgPack (>= 1.6.2)
      Fable.SimpleJson (>= 3.17)
      FSharp.Core (>= 4.7)
    Fable.Remoting.MsgPack (1.6.2)
      FSharp.Core (>= 4.6.2)
      TypeShape (>= 8.0.1)
    Fable.SimpleJson (3.17)
      Fable.Core (>= 3.1.5)
      Fable.Parsimmon (>= 4.0)
      FSharp.Core (>= 4.7)
    Feliz (1.18)
      Fable.Core (>= 3.1.5)
      Fable.React (>= 7.0.1)
      Feliz.CompilerPlugins (>= 0.5)
      FSharp.Core (>= 4.7.2)
    Feliz.CompilerPlugins (0.5)
      Fable.AST (>= 3.0.0-nagareyama-rc-001)
      FSharp.Core (>= 4.7.1)
    Feliz.Markdown (1.3)
      Feliz (>= 1.17)
      FSharp.Core (>= 4.7.2)
    Feliz.MaterialUI (1.2.3)
      Feliz (>= 1.5)
      FSharp.Core (>= 4.7)
    Feliz.MaterialUI.Pickers (1.1.2)
      Fable.Core (>= 3.1.6 < 4.0)
      Feliz (>= 1.17 < 2.0)
      Feliz.MaterialUI (>= 1.2.2 < 2.0)
      FSharp.Core (>= 4.7.2)
    Feliz.UseElmish (1.5)
      Fable.Elmish (>= 3.0.6)
      Fable.Promise (>= 2.0)
      Feliz (>= 1.17)
      FSharp.Core (>= 4.7.2)
    FSharp.Core (5.0)
    Thoth.Elmish.Debouncer (1.0)
      Fable.Core (>= 3.0)
      Fable.Elmish (>= 3.0)
      Fable.Promise (>= 2.0)
      Fable.React (>= 5.1)
      FSharp.Core (>= 4.6.2)
    Thoth.Fetch (2.0)
      Fable.Core (>= 3.1.5)
      Fable.Fetch (>= 2.1)
      Fable.Promise (>= 2.0)
      FSharp.Core (>= 4.7)
      Thoth.Json (>= 4.0)
    Thoth.Json (5.0)
      Fable.Core (>= 3.1.4)
      FSharp.Core (>= 4.7)
    TypeShape (9.0)
      FSharp.Core (>= 4.3.2)

GROUP Library
STORAGE: NONE
RESTRICTION: || (== net46) (== net472) (== netstandard2.0) (== netstandard2.1)
NUGET
  remote: https://api.nuget.org/v3/index.json
    DustyTables (2.4)
      FSharp.Core (>= 4.7.1) - restriction: || (&& (== net46) (>= netstandard2.0)) (== net472) (== netstandard2.0) (== netstandard2.1)
      Microsoft.Data.SqlClient (>= 2.0) - restriction: || (&& (== net46) (>= netstandard2.0)) (== net472) (== netstandard2.0) (== netstandard2.1)
    FSharp.Core (5.0)
    FSharp.Data (3.3.3)
      FSharp.Core (>= 4.0.0.1) - restriction: || (== net46) (== net472) (&& (== netstandard2.0) (>= net45)) (&& (== netstandard2.1) (>= net45))
      FSharp.Core (>= 4.3.4) - restriction: || (&& (== net46) (< net45) (>= netstandard2.0)) (&& (== net472) (< net45)) (== netstandard2.0) (== netstandard2.1)
    Microsoft.CSharp (4.7) - restriction: || (&& (== net46) (< net45)) (&& (== net46) (>= xamarinios)) (&& (== net472) (< net45)) (&& (== net472) (>= xamarinios)) (== netstandard2.0) (== netstandard2.1)
    Microsoft.Data.SqlClient (2.1)
      Microsoft.Data.SqlClient.SNI (>= 2.1.1) - restriction: || (== net46) (== net472) (&& (== netstandard2.0) (>= net46)) (&& (== netstandard2.1) (>= net46))
      Microsoft.Data.SqlClient.SNI.runtime (>= 2.1.1) - restriction: || (&& (== net46) (>= netcoreapp2.1)) (&& (== net46) (>= netstandard2.1)) (&& (== net472) (< net46)) (&& (== net472) (>= netcoreapp2.1)) (&& (== net472) (>= netstandard2.1)) (== netstandard2.0) (== netstandard2.1)
      Microsoft.Identity.Client (>= 4.21.1)
      Microsoft.IdentityModel.JsonWebTokens (>= 6.8)
      Microsoft.IdentityModel.Protocols.OpenIdConnect (>= 6.8)
      Microsoft.Win32.Registry (>= 4.7) - restriction: || (&& (== net46) (>= netcoreapp2.1)) (&& (== net46) (>= netstandard2.1)) (&& (== net472) (< net46)) (&& (== net472) (>= netcoreapp2.1)) (&& (== net472) (>= netstandard2.1)) (== netstandard2.0) (== netstandard2.1)
      System.Buffers (>= 4.5.1) - restriction: || (&& (== net46) (>= netstandard2.1)) (&& (== net472) (< net46)) (&& (== net472) (>= netstandard2.1)) (== netstandard2.0) (== netstandard2.1)
      System.Memory (>= 4.5.4) - restriction: || (&& (== net46) (>= netstandard2.1)) (&& (== net472) (< net46)) (&& (== net472) (>= netstandard2.1)) (== netstandard2.0) (== netstandard2.1)
      System.Security.Principal.Windows (>= 4.7) - restriction: || (&& (== net46) (>= netcoreapp2.1)) (&& (== net46) (>= netstandard2.1)) (&& (== net472) (< net46)) (&& (== net472) (>= netcoreapp2.1)) (&& (== net472) (>= netstandard2.1)) (== netstandard2.0) (== netstandard2.1)
      System.Text.Encoding.CodePages (>= 4.7) - restriction: || (&& (== net46) (>= netcoreapp2.1)) (&& (== net46) (>= netstandard2.1)) (&& (== net472) (< net46)) (&& (== net472) (>= netcoreapp2.1)) (&& (== net472) (>= netstandard2.1)) (== netstandard2.0) (== netstandard2.1)
    Microsoft.Data.SqlClient.SNI (2.1.1) - restriction: || (== net46) (== net472) (&& (== netstandard2.0) (>= net46)) (&& (== netstandard2.1) (>= net46))
    Microsoft.Data.SqlClient.SNI.runtime (2.1.1) - restriction: || (&& (== net46) (>= netcoreapp2.1)) (&& (== net46) (>= netstandard2.1)) (&& (== net472) (< net46)) (&& (== net472) (>= netcoreapp2.1)) (&& (== net472) (>= netstandard2.1)) (== netstandard2.0) (== netstandard2.1)
    Microsoft.Identity.Client (4.23)
      Microsoft.CSharp (>= 4.5) - restriction: || (&& (== net46) (< net45)) (&& (== net46) (>= xamarinios)) (&& (== net472) (< net45)) (&& (== net472) (>= xamarinios)) (== netstandard2.0) (== netstandard2.1)
      Microsoft.Windows.SDK.Contracts (>= 10.0.17763.1000) - restriction: || (&& (== net46) (>= net461)) (== net472) (&& (== netstandard2.0) (>= net461)) (&& (== netstandard2.1) (>= net461))
      NETStandard.Library (>= 1.6.1) - restriction: || (&& (== net46) (< net45)) (&& (== net472) (< net45)) (== netstandard2.0) (== netstandard2.1)
      System.ComponentModel.TypeConverter (>= 4.3) - restriction: || (&& (== net46) (< net45)) (&& (== net46) (>= xamarinios)) (&& (== net472) (< net45)) (&& (== net472) (>= xamarinios)) (== netstandard2.0) (== netstandard2.1)
      System.Diagnostics.Process (>= 4.3) - restriction: || (&& (== net46) (< net45)) (&& (== net472) (< net45)) (== netstandard2.0) (== netstandard2.1)
      System.Dynamic.Runtime (>= 4.3) - restriction: || (&& (== net46) (< net45)) (&& (== net472) (< net45)) (== netstandard2.0) (== netstandard2.1)
      System.Private.Uri (>= 4.3.2) - restriction: || (&& (== net46) (< net45)) (&& (== net472) (< net45)) (== netstandard2.0) (== netstandard2.1)
      System.Runtime.Serialization.Formatters (>= 4.3) - restriction: || (&& (== net46) (< net45)) (&& (== net46) (>= xamarinios)) (&& (== net472) (< net45)) (&& (== net472) (>= xamarinios)) (== netstandard2.0) (== netstandard2.1)
      System.Runtime.Serialization.Json (>= 4.3) - restriction: || (&& (== net46) (< net45)) (&& (== net472) (< net45)) (== netstandard2.0) (== netstandard2.1)
      System.Runtime.Serialization.Primitives (>= 4.3) - restriction: || (&& (== net46) (< net45)) (&& (== net46) (>= xamarinios)) (&& (== net472) (< net45)) (&& (== net472) (>= xamarinios)) (== netstandard2.0) (== netstandard2.1)
      System.Security.Cryptography.X509Certificates (>= 4.3) - restriction: || (&& (== net46) (< net45)) (&& (== net472) (< net45)) (== netstandard2.0) (== netstandard2.1)
      System.Security.SecureString (>= 4.3) - restriction: || (&& (== net46) (>= monoandroid9.0)) (&& (== net46) (< net45)) (&& (== net46) (>= xamarinios)) (&& (== net472) (>= monoandroid9.0)) (&& (== net472) (< net45)) (&& (== net472) (>= xamarinios)) (== netstandard2.0) (== netstandard2.1)
      System.Xml.XDocument (>= 4.3) - restriction: || (&& (== net46) (< net45)) (&& (== net472) (< net45)) (== netstandard2.0) (== netstandard2.1)
      System.Xml.XmlDocument (>= 4.3) - restriction: || (&& (== net46) (< net45)) (&& (== net46) (>= xamarinios)) (&& (== net472) (< net45)) (&& (== net472) (>= xamarinios)) (== netstandard2.0) (== netstandard2.1)
    Microsoft.IdentityModel.JsonWebTokens (6.8)
      Microsoft.IdentityModel.Tokens (>= 6.8)
    Microsoft.IdentityModel.Logging (6.8)
    Microsoft.IdentityModel.Protocols (6.8)
      Microsoft.IdentityModel.Logging (>= 6.8)
      Microsoft.IdentityModel.Tokens (>= 6.8)
    Microsoft.IdentityModel.Protocols.OpenIdConnect (6.8)
      Microsoft.IdentityModel.Protocols (>= 6.8)
      System.IdentityModel.Tokens.Jwt (>= 6.8)
    Microsoft.IdentityModel.Tokens (6.8)
      Microsoft.CSharp (>= 4.5) - restriction: || (&& (== net46) (< net45) (>= netstandard2.0)) (&& (== net472) (< net45)) (== netstandard2.0) (== netstandard2.1)
      Microsoft.IdentityModel.Logging (>= 6.8)
      System.Security.Cryptography.Cng (>= 4.5) - restriction: || (&& (== net46) (< net45) (>= netstandard2.0)) (&& (== net472) (< net45)) (== netstandard2.0) (== netstandard2.1)
    Microsoft.NETCore.Platforms (5.0) - restriction: || (&& (== net46) (< net45)) (&& (== net472) (< net45)) (== netstandard2.0) (== netstandard2.1)
    Microsoft.NETCore.Targets (5.0) - restriction: || (&& (== net46) (< net45)) (&& (== net472) (< net45)) (== netstandard2.0) (== netstandard2.1)
    Microsoft.Win32.Primitives (4.3) - restriction: || (&& (== net46) (< net45) (>= netstandard1.4)) (&& (== net472) (< net45)) (== netstandard2.0) (== netstandard2.1)
      Microsoft.NETCore.Platforms (>= 1.1) - restriction: || (&& (== net472) (< net46)) (== netstandard2.0) (== netstandard2.1)
      Microsoft.NETCore.Targets (>= 1.1) - restriction: || (&& (== net472) (< net46)) (== netstandard2.0) (== netstandard2.1)
      System.Runtime (>= 4.3) - restriction: || (&& (== net472) (< net46)) (== netstandard2.0) (== netstandard2.1)
    Microsoft.Win32.Registry (5.0) - restriction: || (&& (== net46) (>= netcoreapp2.1)) (&& (== net46) (>= netstandard2.1)) (&& (== net472) (< net46)) (&& (== net472) (>= netcoreapp2.1)) (&& (== net472) (>= netstandard2.1)) (== netstandard2.0) (== netstandard2.1)
      System.Buffers (>= 4.5.1) - restriction: || (&& (== net46) (>= monoandroid)) (&& (== net46) (>= monotouch)) (&& (== net46) (>= xamarinios)) (&& (== net46) (>= xamarinmac)) (&& (== net46) (>= xamarintvos)) (&& (== net46) (>= xamarinwatchos)) (&& (== net472) (>= monoandroid)) (&& (== net472) (>= monotouch)) (&& (== net472) (< net46)) (&& (== net472) (>= xamarinios)) (&& (== net472) (>= xamarinmac)) (&& (== net472) (>= xamarintvos)) (&& (== net472) (>= xamarinwatchos)) (== netstandard2.0) (== netstandard2.1)
      System.Memory (>= 4.5.4) - restriction: || (&& (== net46) (>= netcoreapp2.0)) (&& (== net46) (>= uap10.1)) (&& (== net472) (< net46)) (&& (== net472) (>= netcoreapp2.0)) (&& (== net472) (>= uap10.1)) (== netstandard2.0) (== netstandard2.1)
      System.Security.AccessControl (>= 5.0) - restriction: || (&& (== net46) (>= monoandroid)) (&& (== net46) (>= monotouch)) (&& (== net46) (>= net461)) (&& (== net46) (>= netcoreapp2.0)) (&& (== net46) (>= uap10.1)) (&& (== net46) (>= xamarinios)) (&& (== net46) (>= xamarinmac)) (&& (== net46) (>= xamarintvos)) (&& (== net46) (>= xamarinwatchos)) (== net472) (== netstandard2.0) (== netstandard2.1)
      System.Security.Principal.Windows (>= 5.0) - restriction: || (&& (== net46) (>= monoandroid)) (&& (== net46) (>= monotouch)) (&& (== net46) (>= net461)) (&& (== net46) (>= netcoreapp2.0)) (&& (== net46) (>= uap10.1)) (&& (== net46) (>= xamarinios)) (&& (== net46) (>= xamarinmac)) (&& (== net46) (>= xamarintvos)) (&& (== net46) (>= xamarinwatchos)) (== net472) (== netstandard2.0) (== netstandard2.1)
    Microsoft.Windows.SDK.Contracts (10.0.19041.1) - restriction: || (&& (== net46) (>= net461)) (== net472) (&& (== netstandard2.0) (>= net461)) (&& (== netstandard2.1) (>= net461))
      System.Runtime.WindowsRuntime (>= 4.6)
      System.Runtime.WindowsRuntime.UI.Xaml (>= 4.6)
    NETStandard.Library (2.0.3) - restriction: || (&& (== net46) (< net45)) (&& (== net472) (< net45)) (== netstandard2.0) (== netstandard2.1)
      Microsoft.NETCore.Platforms (>= 1.1)
    runtime.debian.8-x64.runtime.native.System.Security.Cryptography.OpenSsl (4.3.3) - restriction: || (&& (== net46) (< net45) (>= netstandard1.6)) (&& (== net472) (< net45)) (== netstandard2.0) (== netstandard2.1)
    runtime.debian.9-x64.runtime.native.System.Security.Cryptography.OpenSsl (4.3.3) - restriction: || (&& (== net46) (< net45) (>= netstandard1.6)) (&& (== net472) (< net45)) (== netstandard2.0) (== netstandard2.1)
    runtime.fedora.23-x64.runtime.native.System.Security.Cryptography.OpenSsl (4.3.3) - restriction: || (&& (== net46) (< net45) (>= netstandard1.6)) (&& (== net472) (< net45)) (== netstandard2.0) (== netstandard2.1)
    runtime.fedora.24-x64.runtime.native.System.Security.Cryptography.OpenSsl (4.3.3) - restriction: || (&& (== net46) (< net45) (>= netstandard1.6)) (&& (== net472) (< net45)) (== netstandard2.0) (== netstandard2.1)
    runtime.fedora.27-x64.runtime.native.System.Security.Cryptography.OpenSsl (4.3.3) - restriction: || (&& (== net46) (< net45) (>= netstandard1.6)) (&& (== net472) (< net45)) (== netstandard2.0) (== netstandard2.1)
    runtime.fedora.28-x64.runtime.native.System.Security.Cryptography.OpenSsl (4.3.3) - restriction: || (&& (== net46) (< net45) (>= netstandard1.6)) (&& (== net472) (< net45)) (== netstandard2.0) (== netstandard2.1)
    runtime.native.System (4.3.1) - restriction: || (&& (== net46) (< net45) (>= netstandard1.4)) (&& (== net472) (< net45)) (== netstandard2.0) (== netstandard2.1)
      Microsoft.NETCore.Platforms (>= 1.1.1)
      Microsoft.NETCore.Targets (>= 1.1.3)
    runtime.native.System.Net.Http (4.3.1) - restriction: || (&& (== net46) (< net45) (>= netstandard1.6)) (&& (== net472) (< net45)) (== netstandard2.0) (== netstandard2.1)
      Microsoft.NETCore.Platforms (>= 1.1.1)
      Microsoft.NETCore.Targets (>= 1.1.3)
    runtime.native.System.Security.Cryptography.Apple (4.3.1) - restriction: || (&& (== net46) (< net45) (>= netstandard1.6)) (&& (== net46) (>= netcoreapp5.0)) (&& (== net472) (< net45)) (&& (== net472) (>= netcoreapp5.0)) (== netstandard2.0) (== netstandard2.1)
      runtime.osx.10.10-x64.runtime.native.System.Security.Cryptography.Apple (>= 4.3.1)
    runtime.native.System.Security.Cryptography.OpenSsl (4.3.3) - restriction: || (&& (== net46) (< net45) (>= netstandard1.6)) (&& (== net472) (< net45)) (== netstandard2.0) (== netstandard2.1)
      runtime.debian.8-x64.runtime.native.System.Security.Cryptography.OpenSsl (>= 4.3.3)
      runtime.debian.9-x64.runtime.native.System.Security.Cryptography.OpenSsl (>= 4.3.3)
      runtime.fedora.23-x64.runtime.native.System.Security.Cryptography.OpenSsl (>= 4.3.3)
      runtime.fedora.24-x64.runtime.native.System.Security.Cryptography.OpenSsl (>= 4.3.3)
      runtime.fedora.27-x64.runtime.native.System.Security.Cryptography.OpenSsl (>= 4.3.3)
      runtime.fedora.28-x64.runtime.native.System.Security.Cryptography.OpenSsl (>= 4.3.3)
      runtime.opensuse.13.2-x64.runtime.native.System.Security.Cryptography.OpenSsl (>= 4.3.3)
      runtime.opensuse.42.1-x64.runtime.native.System.Security.Cryptography.OpenSsl (>= 4.3.3)
      runtime.opensuse.42.3-x64.runtime.native.System.Security.Cryptography.OpenSsl (>= 4.3.3)
      runtime.osx.10.10-x64.runtime.native.System.Security.Cryptography.OpenSsl (>= 4.3.3)
      runtime.rhel.7-x64.runtime.native.System.Security.Cryptography.OpenSsl (>= 4.3.3)
      runtime.ubuntu.14.04-x64.runtime.native.System.Security.Cryptography.OpenSsl (>= 4.3.3)
      runtime.ubuntu.16.04-x64.runtime.native.System.Security.Cryptography.OpenSsl (>= 4.3.3)
      runtime.ubuntu.16.10-x64.runtime.native.System.Security.Cryptography.OpenSsl (>= 4.3.3)
      runtime.ubuntu.18.04-x64.runtime.native.System.Security.Cryptography.OpenSsl (>= 4.3.3)
    runtime.opensuse.13.2-x64.runtime.native.System.Security.Cryptography.OpenSsl (4.3.3) - restriction: || (&& (== net46) (< net45) (>= netstandard1.6)) (&& (== net472) (< net45)) (== netstandard2.0) (== netstandard2.1)
    runtime.opensuse.42.1-x64.runtime.native.System.Security.Cryptography.OpenSsl (4.3.3) - restriction: || (&& (== net46) (< net45) (>= netstandard1.6)) (&& (== net472) (< net45)) (== netstandard2.0) (== netstandard2.1)
    runtime.opensuse.42.3-x64.runtime.native.System.Security.Cryptography.OpenSsl (4.3.3) - restriction: || (&& (== net46) (< net45) (>= netstandard1.6)) (&& (== net472) (< net45)) (== netstandard2.0) (== netstandard2.1)
    runtime.osx.10.10-x64.runtime.native.System.Security.Cryptography.Apple (4.3.1) - restriction: || (&& (== net46) (< net45) (>= netstandard1.6)) (&& (== net46) (>= netcoreapp5.0)) (&& (== net472) (< net45)) (&& (== net472) (>= netcoreapp5.0)) (== netstandard2.0) (== netstandard2.1)
    runtime.osx.10.10-x64.runtime.native.System.Security.Cryptography.OpenSsl (4.3.3) - restriction: || (&& (== net46) (< net45) (>= netstandard1.6)) (&& (== net472) (< net45)) (== netstandard2.0) (== netstandard2.1)
    runtime.rhel.7-x64.runtime.native.System.Security.Cryptography.OpenSsl (4.3.3) - restriction: || (&& (== net46) (< net45) (>= netstandard1.6)) (&& (== net472) (< net45)) (== netstandard2.0) (== netstandard2.1)
    runtime.ubuntu.14.04-x64.runtime.native.System.Security.Cryptography.OpenSsl (4.3.3) - restriction: || (&& (== net46) (< net45) (>= netstandard1.6)) (&& (== net472) (< net45)) (== netstandard2.0) (== netstandard2.1)
    runtime.ubuntu.16.04-x64.runtime.native.System.Security.Cryptography.OpenSsl (4.3.3) - restriction: || (&& (== net46) (< net45) (>= netstandard1.6)) (&& (== net472) (< net45)) (== netstandard2.0) (== netstandard2.1)
    runtime.ubuntu.16.10-x64.runtime.native.System.Security.Cryptography.OpenSsl (4.3.3) - restriction: || (&& (== net46) (< net45) (>= netstandard1.6)) (&& (== net472) (< net45)) (== netstandard2.0) (== netstandard2.1)
    runtime.ubuntu.18.04-x64.runtime.native.System.Security.Cryptography.OpenSsl (4.3.3) - restriction: || (&& (== net46) (< net45) (>= netstandard1.6)) (&& (== net472) (< net45)) (== netstandard2.0) (== netstandard2.1)
    System.Buffers (4.5.1) - restriction: || (&& (== net46) (>= netstandard2.1)) (&& (== net472) (< net46)) (&& (== net472) (>= netstandard2.1)) (== netstandard2.0) (== netstandard2.1)
    System.Collections (4.3) - restriction: || (&& (== net46) (< net45)) (&& (== net46) (>= xamarinios)) (&& (== net472) (< net45)) (&& (== net472) (>= xamarinios)) (== netstandard2.0) (== netstandard2.1)
      Microsoft.NETCore.Platforms (>= 1.1) - restriction: || (&& (== net46) (< net45)) (&& (== net46) (>= netcoreapp5.0)) (&& (== net472) (< net45)) (&& (== net472) (>= netcoreapp5.0)) (== netstandard2.0) (== netstandard2.1)
      Microsoft.NETCore.Targets (>= 1.1) - restriction: || (&& (== net46) (< net45)) (&& (== net46) (>= netcoreapp5.0)) (&& (== net472) (< net45)) (&& (== net472) (>= netcoreapp5.0)) (== netstandard2.0) (== netstandard2.1)
      System.Runtime (>= 4.3) - restriction: || (&& (== net46) (< net45)) (&& (== net46) (>= netcoreapp5.0)) (&& (== net472) (< net45)) (&& (== net472) (>= netcoreapp5.0)) (== netstandard2.0) (== netstandard2.1)
    System.Collections.Concurrent (4.3) - restriction: || (&& (== net46) (< net45)) (&& (== net46) (>= netcoreapp5.0)) (&& (== net472) (< net45)) (&& (== net472) (>= netcoreapp5.0)) (== netstandard2.0) (== netstandard2.1)
      System.Collections (>= 4.3) - restriction: || (&& (== net46) (< net45)) (&& (== net46) (>= netcoreapp5.0)) (&& (== net472) (< net45)) (&& (== net472) (>= netcoreapp5.0)) (== netstandard2.0) (== netstandard2.1)
      System.Diagnostics.Debug (>= 4.3) - restriction: || (&& (== net46) (< net45)) (&& (== net46) (>= netcoreapp5.0)) (&& (== net472) (< net45)) (&& (== net472) (>= netcoreapp5.0)) (== netstandard2.0) (== netstandard2.1)
      System.Diagnostics.Tracing (>= 4.3) - restriction: || (&& (== net46) (< net45)) (&& (== net46) (>= netcoreapp5.0)) (&& (== net472) (< net45)) (&& (== net472) (>= netcoreapp5.0)) (== netstandard2.0) (== netstandard2.1)
      System.Globalization (>= 4.3) - restriction: || (&& (== net46) (< net45)) (&& (== net46) (>= netcoreapp5.0)) (&& (== net472) (< net45)) (&& (== net472) (>= netcoreapp5.0)) (== netstandard2.0) (== netstandard2.1)
      System.Reflection (>= 4.3) - restriction: || (&& (== net46) (< net45)) (&& (== net472) (< net45)) (== netstandard2.0) (== netstandard2.1)
      System.Resources.ResourceManager (>= 4.3) - restriction: || (&& (== net46) (< net45)) (&& (== net46) (>= netcoreapp5.0)) (&& (== net472) (< net45)) (&& (== net472) (>= netcoreapp5.0)) (== netstandard2.0) (== netstandard2.1)
      System.Runtime (>= 4.3) - restriction: || (&& (== net46) (< net45)) (&& (== net46) (>= netcoreapp5.0)) (&& (== net472) (< net45)) (&& (== net472) (>= netcoreapp5.0)) (== netstandard2.0) (== netstandard2.1)
      System.Runtime.Extensions (>= 4.3) - restriction: || (&& (== net46) (< net45)) (&& (== net46) (>= netcoreapp5.0)) (&& (== net472) (< net45)) (&& (== net472) (>= netcoreapp5.0)) (== netstandard2.0) (== netstandard2.1)
      System.Threading (>= 4.3) - restriction: || (&& (== net46) (< net45)) (&& (== net46) (>= netcoreapp5.0)) (&& (== net472) (< net45)) (&& (== net472) (>= netcoreapp5.0)) (== netstandard2.0) (== netstandard2.1)
      System.Threading.Tasks (>= 4.3) - restriction: || (&& (== net46) (< net45)) (&& (== net46) (>= netcoreapp5.0)) (&& (== net472) (< net45)) (&& (== net472) (>= netcoreapp5.0)) (== netstandard2.0) (== netstandard2.1)
    System.Collections.NonGeneric (4.3) - restriction: || (&& (== net46) (< net45) (>= net462)) (&& (== net46) (< net45) (>= netstandard1.5)) (&& (== net46) (>= xamarinios)) (&& (== net472) (< net45)) (&& (== net472) (>= xamarinios)) (== netstandard2.0) (== netstandard2.1)
      System.Diagnostics.Debug (>= 4.3) - restriction: || (&& (== net472) (< net46)) (== netstandard2.0) (== netstandard2.1)
      System.Globalization (>= 4.3) - restriction: || (&& (== net472) (< net46)) (== netstandard2.0) (== netstandard2.1)
      System.Resources.ResourceManager (>= 4.3) - restriction: || (&& (== net472) (< net46)) (== netstandard2.0) (== netstandard2.1)
      System.Runtime (>= 4.3) - restriction: || (&& (== net472) (< net46)) (== netstandard2.0) (== netstandard2.1)
      System.Runtime.Extensions (>= 4.3) - restriction: || (&& (== net472) (< net46)) (== netstandard2.0) (== netstandard2.1)
      System.Threading (>= 4.3) - restriction: || (&& (== net472) (< net46)) (== netstandard2.0) (== netstandard2.1)
    System.Collections.Specialized (4.3) - restriction: || (&& (== net46) (< net45) (>= netstandard1.5)) (&& (== net46) (>= xamarinios)) (&& (== net472) (< net45)) (&& (== net472) (>= xamarinios)) (== netstandard2.0) (== netstandard2.1)
      System.Collections.NonGeneric (>= 4.3) - restriction: || (&& (== net472) (< net46)) (== netstandard2.0) (== netstandard2.1)
      System.Globalization (>= 4.3) - restriction: || (&& (== net472) (< net46)) (== netstandard2.0) (== netstandard2.1)
      System.Globalization.Extensions (>= 4.3) - restriction: || (&& (== net472) (< net46)) (== netstandard2.0) (== netstandard2.1)
      System.Resources.ResourceManager (>= 4.3) - restriction: || (&& (== net472) (< net46)) (== netstandard2.0) (== netstandard2.1)
      System.Runtime (>= 4.3) - restriction: || (&& (== net472) (< net46)) (== netstandard2.0) (== netstandard2.1)
      System.Runtime.Extensions (>= 4.3) - restriction: || (&& (== net472) (< net46)) (== netstandard2.0) (== netstandard2.1)
      System.Threading (>= 4.3) - restriction: || (&& (== net472) (< net46)) (== netstandard2.0) (== netstandard2.1)
    System.ComponentModel (4.3) - restriction: || (&& (== net46) (< net45)) (&& (== net46) (>= xamarinios)) (&& (== net472) (< net45)) (&& (== net472) (>= xamarinios)) (== netstandard2.0) (== netstandard2.1)
      System.Runtime (>= 4.3) - restriction: || (&& (== net46) (< net45)) (&& (== net46) (>= netcoreapp5.0)) (&& (== net472) (< net45)) (&& (== net472) (>= netcoreapp5.0)) (== netstandard2.0) (== netstandard2.1)
    System.ComponentModel.Primitives (4.3) - restriction: || (&& (== net46) (< net45)) (&& (== net46) (< netstandard1.0) (>= win8)) (&& (== net46) (>= wp8)) (&& (== net46) (>= wpa81)) (&& (== net46) (>= xamarinios)) (&& (== net472) (< net45)) (&& (== net472) (< netstandard1.0) (>= win8)) (&& (== net472) (>= wp8)) (&& (== net472) (>= wpa81)) (&& (== net472) (>= xamarinios)) (== netstandard2.0) (== netstandard2.1)
      System.ComponentModel (>= 4.3) - restriction: || (&& (== net46) (< net45)) (&& (== net472) (< net45)) (== netstandard2.0) (== netstandard2.1)
      System.Resources.ResourceManager (>= 4.3) - restriction: || (&& (== net46) (< net45)) (&& (== net472) (< net45)) (== netstandard2.0) (== netstandard2.1)
      System.Runtime (>= 4.3) - restriction: || (&& (== net46) (< net45)) (&& (== net472) (< net45)) (== netstandard2.0) (== netstandard2.1)
    System.ComponentModel.TypeConverter (4.3) - restriction: || (&& (== net46) (< net45)) (&& (== net46) (>= xamarinios)) (&& (== net472) (< net45)) (&& (== net472) (>= xamarinios)) (== netstandard2.0) (== netstandard2.1)
      System.Collections (>= 4.3) - restriction: || (&& (== net46) (< net45)) (&& (== net472) (< net45)) (== netstandard2.0) (== netstandard2.1)
      System.Collections.NonGeneric (>= 4.3) - restriction: || (&& (== net46) (< net45) (>= netstandard1.5)) (&& (== net46) (>= net462)) (== net472) (== netstandard2.0) (== netstandard2.1)
      System.Collections.Specialized (>= 4.3) - restriction: || (&& (== net46) (< net45) (>= netstandard1.5)) (&& (== net472) (< net45)) (== netstandard2.0) (== netstandard2.1)
      System.ComponentModel (>= 4.3) - restriction: || (&& (== net46) (< net45)) (&& (== net472) (< net45)) (== netstandard2.0) (== netstandard2.1)
      System.ComponentModel.Primitives (>= 4.3)
      System.Globalization (>= 4.3) - restriction: || (&& (== net46) (< net45)) (&& (== net472) (< net45)) (== netstandard2.0) (== netstandard2.1)
      System.Linq (>= 4.3) - restriction: || (&& (== net46) (< net45) (>= netstandard1.5)) (&& (== net472) (< net45)) (== netstandard2.0) (== netstandard2.1)
      System.Reflection (>= 4.3) - restriction: || (&& (== net46) (< net45)) (&& (== net472) (< net45)) (== netstandard2.0) (== netstandard2.1)
      System.Reflection.Extensions (>= 4.3) - restriction: || (&& (== net46) (< net45)) (&& (== net472) (< net45)) (== netstandard2.0) (== netstandard2.1)
      System.Reflection.Primitives (>= 4.3) - restriction: || (&& (== net46) (< net45)) (&& (== net472) (< net45)) (== netstandard2.0) (== netstandard2.1)
      System.Reflection.TypeExtensions (>= 4.3) - restriction: || (&& (== net46) (< net45) (>= netstandard1.5)) (&& (== net472) (< net45)) (== netstandard2.0) (== netstandard2.1)
      System.Resources.ResourceManager (>= 4.3) - restriction: || (&& (== net46) (< net45)) (&& (== net472) (< net45)) (== netstandard2.0) (== netstandard2.1)
      System.Runtime (>= 4.3) - restriction: || (&& (== net46) (< net45)) (&& (== net472) (< net45)) (== netstandard2.0) (== netstandard2.1)
      System.Runtime.Extensions (>= 4.3) - restriction: || (&& (== net46) (< net45)) (&& (== net472) (< net45)) (== netstandard2.0) (== netstandard2.1)
      System.Threading (>= 4.3) - restriction: || (&& (== net46) (< net45)) (&& (== net472) (< net45)) (== netstandard2.0) (== netstandard2.1)
    System.Diagnostics.Debug (4.3) - restriction: || (&& (== net46) (< net45) (>= netstandard1.4)) (&& (== net472) (< net45)) (== netstandard2.0) (== netstandard2.1)
      Microsoft.NETCore.Platforms (>= 1.1) - restriction: || (&& (== net46) (< net45)) (&& (== net46) (>= netcoreapp5.0)) (&& (== net472) (< net45)) (&& (== net472) (>= netcoreapp5.0)) (== netstandard2.0) (== netstandard2.1)
      Microsoft.NETCore.Targets (>= 1.1) - restriction: || (&& (== net46) (< net45)) (&& (== net46) (>= netcoreapp5.0)) (&& (== net472) (< net45)) (&& (== net472) (>= netcoreapp5.0)) (== netstandard2.0) (== netstandard2.1)
      System.Runtime (>= 4.3) - restriction: || (&& (== net46) (< net45)) (&& (== net46) (>= netcoreapp5.0)) (&& (== net472) (< net45)) (&& (== net472) (>= netcoreapp5.0)) (== netstandard2.0) (== netstandard2.1)
    System.Diagnostics.Process (4.3) - restriction: || (&& (== net46) (< net45)) (&& (== net472) (< net45)) (== netstandard2.0) (== netstandard2.1)
      Microsoft.NETCore.Platforms (>= 1.1) - restriction: || (&& (== net472) (< net46)) (== netstandard2.0) (== netstandard2.1)
      Microsoft.Win32.Primitives (>= 4.3) - restriction: || (&& (== net472) (< net46)) (== netstandard2.0) (== netstandard2.1)
      Microsoft.Win32.Registry (>= 4.3) - restriction: || (&& (== net472) (< net46)) (== netstandard2.0) (== netstandard2.1)
      runtime.native.System (>= 4.3) - restriction: || (&& (== net472) (< net46)) (== netstandard2.0) (== netstandard2.1)
      System.Collections (>= 4.3) - restriction: || (&& (== net472) (< net46)) (== netstandard2.0) (== netstandard2.1)
      System.Diagnostics.Debug (>= 4.3) - restriction: || (&& (== net472) (< net46)) (== netstandard2.0) (== netstandard2.1)
      System.Globalization (>= 4.3) - restriction: || (&& (== net472) (< net46)) (== netstandard2.0) (== netstandard2.1)
      System.IO (>= 4.3) - restriction: || (&& (== net472) (< net46)) (== netstandard2.0) (== netstandard2.1)
      System.IO.FileSystem (>= 4.3) - restriction: || (&& (== net472) (< net46)) (== netstandard2.0) (== netstandard2.1)
      System.IO.FileSystem.Primitives (>= 4.3) - restriction: || (&& (== net472) (< net46)) (== netstandard2.0) (== netstandard2.1)
      System.Resources.ResourceManager (>= 4.3) - restriction: || (&& (== net472) (< net46)) (== netstandard2.0) (== netstandard2.1)
      System.Runtime (>= 4.3) - restriction: || (&& (== net472) (< net46)) (== netstandard2.0) (== netstandard2.1)
      System.Runtime.Extensions (>= 4.3) - restriction: || (&& (== net472) (< net46)) (== netstandard2.0) (== netstandard2.1)
      System.Runtime.Handles (>= 4.3) - restriction: || (&& (== net472) (< net46)) (== netstandard2.0) (== netstandard2.1)
      System.Runtime.InteropServices (>= 4.3) - restriction: || (&& (== net472) (< net46)) (== netstandard2.0) (== netstandard2.1)
      System.Text.Encoding (>= 4.3) - restriction: || (&& (== net472) (< net46)) (== netstandard2.0) (== netstandard2.1)
      System.Text.Encoding.Extensions (>= 4.3) - restriction: || (&& (== net472) (< net46)) (== netstandard2.0) (== netstandard2.1)
      System.Threading (>= 4.3) - restriction: || (&& (== net472) (< net46)) (== netstandard2.0) (== netstandard2.1)
      System.Threading.Tasks (>= 4.3) - restriction: || (&& (== net472) (< net46)) (== netstandard2.0) (== netstandard2.1)
      System.Threading.Thread (>= 4.3) - restriction: || (&& (== net472) (< net46)) (== netstandard2.0) (== netstandard2.1)
      System.Threading.ThreadPool (>= 4.3) - restriction: || (&& (== net472) (< net46)) (== netstandard2.0) (== netstandard2.1)
    System.Diagnostics.Tools (4.3) - restriction: || (&& (== net46) (< net45)) (&& (== net46) (>= netcoreapp5.0)) (&& (== net472) (< net45)) (&& (== net472) (>= netcoreapp5.0)) (== netstandard2.0) (== netstandard2.1)
      Microsoft.NETCore.Platforms (>= 1.1) - restriction: || (&& (== net46) (< net45)) (&& (== net46) (>= netcoreapp5.0)) (&& (== net472) (< net45)) (&& (== net472) (>= netcoreapp5.0)) (== netstandard2.0) (== netstandard2.1)
      Microsoft.NETCore.Targets (>= 1.1) - restriction: || (&& (== net46) (< net45)) (&& (== net46) (>= netcoreapp5.0)) (&& (== net472) (< net45)) (&& (== net472) (>= netcoreapp5.0)) (== netstandard2.0) (== netstandard2.1)
      System.Runtime (>= 4.3) - restriction: || (&& (== net46) (< net45)) (&& (== net46) (>= netcoreapp5.0)) (&& (== net472) (< net45)) (&& (== net472) (>= netcoreapp5.0)) (== netstandard2.0) (== netstandard2.1)
    System.Diagnostics.Tracing (4.3) - restriction: || (&& (== net46) (< net45)) (&& (== net46) (>= netcoreapp5.0)) (&& (== net472) (< net45)) (&& (== net472) (>= netcoreapp5.0)) (== netstandard2.0) (== netstandard2.1)
      Microsoft.NETCore.Platforms (>= 1.1) - restriction: || (&& (== net46) (< net45)) (&& (== net46) (>= netcoreapp5.0)) (&& (== net472) (< net45)) (&& (== net472) (>= netcoreapp5.0)) (== netstandard2.0) (== netstandard2.1)
      Microsoft.NETCore.Targets (>= 1.1) - restriction: || (&& (== net46) (< net45)) (&& (== net46) (>= netcoreapp5.0)) (&& (== net472) (< net45)) (&& (== net472) (>= netcoreapp5.0)) (== netstandard2.0) (== netstandard2.1)
      System.Runtime (>= 4.3) - restriction: || (&& (== net46) (< net45)) (&& (== net46) (>= netcoreapp5.0)) (&& (== net472) (< net45)) (&& (== net472) (>= netcoreapp5.0)) (== netstandard2.0) (== netstandard2.1)
    System.Dynamic.Runtime (4.3) - restriction: || (&& (== net46) (< net45)) (&& (== net472) (< net45)) (== netstandard2.0) (== netstandard2.1)
      System.Collections (>= 4.3) - restriction: || (&& (== net46) (< net45)) (&& (== net46) (>= netcoreapp5.0)) (&& (== net472) (< net45)) (&& (== net472) (>= netcoreapp5.0)) (== netstandard2.0) (== netstandard2.1)
      System.Diagnostics.Debug (>= 4.3) - restriction: || (&& (== net46) (< net45)) (&& (== net46) (>= netcoreapp5.0)) (&& (== net472) (< net45)) (&& (== net472) (>= netcoreapp5.0)) (== netstandard2.0) (== netstandard2.1)
      System.Linq (>= 4.3) - restriction: || (&& (== net46) (< net45)) (&& (== net46) (>= netcoreapp5.0)) (&& (== net472) (< net45)) (&& (== net472) (>= netcoreapp5.0)) (== netstandard2.0) (== netstandard2.1)
      System.Linq.Expressions (>= 4.3) - restriction: || (&& (== net46) (< net45)) (&& (== net46) (>= netcoreapp5.0)) (&& (== net472) (< net45)) (&& (== net472) (>= netcoreapp5.0)) (== netstandard2.0) (== netstandard2.1)
      System.ObjectModel (>= 4.3) - restriction: || (&& (== net46) (< net45)) (&& (== net46) (>= netcoreapp5.0)) (&& (== net472) (< net45)) (&& (== net472) (>= netcoreapp5.0)) (== netstandard2.0) (== netstandard2.1)
      System.Reflection (>= 4.3) - restriction: || (&& (== net46) (< net45)) (&& (== net46) (>= netcoreapp5.0)) (&& (== net472) (< net45)) (&& (== net472) (>= netcoreapp5.0)) (== netstandard2.0) (== netstandard2.1)
      System.Reflection.Emit (>= 4.3) - restriction: || (&& (== net46) (< net45)) (&& (== net472) (< net45)) (== netstandard2.0) (== netstandard2.1)
      System.Reflection.Emit.ILGeneration (>= 4.3) - restriction: || (&& (== net46) (< net45)) (&& (== net472) (< net45)) (== netstandard2.0) (== netstandard2.1)
      System.Reflection.Primitives (>= 4.3) - restriction: || (&& (== net46) (< net45)) (&& (== net472) (< net45)) (== netstandard2.0) (== netstandard2.1)
      System.Reflection.TypeExtensions (>= 4.3) - restriction: || (&& (== net46) (< net45)) (&& (== net46) (>= netcoreapp5.0)) (&& (== net472) (< net45)) (&& (== net472) (>= netcoreapp5.0)) (== netstandard2.0) (== netstandard2.1)
      System.Resources.ResourceManager (>= 4.3) - restriction: || (&& (== net46) (< net45)) (&& (== net46) (>= netcoreapp5.0)) (&& (== net472) (< net45)) (&& (== net472) (>= netcoreapp5.0)) (== netstandard2.0) (== netstandard2.1)
      System.Runtime (>= 4.3) - restriction: || (&& (== net46) (< net45)) (&& (== net46) (>= netcoreapp5.0)) (&& (== net472) (< net45)) (&& (== net472) (>= netcoreapp5.0)) (== netstandard2.0) (== netstandard2.1)
      System.Runtime.Extensions (>= 4.3) - restriction: || (&& (== net46) (< net45)) (&& (== net46) (>= netcoreapp5.0)) (&& (== net472) (< net45)) (&& (== net472) (>= netcoreapp5.0)) (== netstandard2.0) (== netstandard2.1)
      System.Threading (>= 4.3) - restriction: || (&& (== net46) (< net45)) (&& (== net46) (>= netcoreapp5.0)) (&& (== net472) (< net45)) (&& (== net472) (>= netcoreapp5.0)) (== netstandard2.0) (== netstandard2.1)
    System.Globalization (4.3) - restriction: || (&& (== net46) (< net45)) (&& (== net46) (>= xamarinios)) (&& (== net472) (< net45)) (&& (== net472) (>= xamarinios)) (== netstandard2.0) (== netstandard2.1)
      Microsoft.NETCore.Platforms (>= 1.1) - restriction: || (&& (== net46) (< net45)) (&& (== net46) (>= netcoreapp5.0)) (&& (== net472) (< net45)) (&& (== net472) (>= netcoreapp5.0)) (== netstandard2.0) (== netstandard2.1)
      Microsoft.NETCore.Targets (>= 1.1) - restriction: || (&& (== net46) (< net45)) (&& (== net46) (>= netcoreapp5.0)) (&& (== net472) (< net45)) (&& (== net472) (>= netcoreapp5.0)) (== netstandard2.0) (== netstandard2.1)
      System.Runtime (>= 4.3) - restriction: || (&& (== net46) (< net45)) (&& (== net46) (>= netcoreapp5.0)) (&& (== net472) (< net45)) (&& (== net472) (>= netcoreapp5.0)) (== netstandard2.0) (== netstandard2.1)
    System.Globalization.Calendars (4.3) - restriction: || (&& (== net46) (< net45) (>= netstandard1.6)) (&& (== net46) (>= netcoreapp5.0)) (&& (== net472) (< net45)) (&& (== net472) (>= netcoreapp5.0)) (== netstandard2.0) (== netstandard2.1)
      Microsoft.NETCore.Platforms (>= 1.1) - restriction: || (&& (== net472) (< net46)) (== netstandard2.0) (== netstandard2.1)
      Microsoft.NETCore.Targets (>= 1.1) - restriction: || (&& (== net472) (< net46)) (== netstandard2.0) (== netstandard2.1)
      System.Globalization (>= 4.3) - restriction: || (&& (== net472) (< net46)) (== netstandard2.0) (== netstandard2.1)
      System.Runtime (>= 4.3) - restriction: || (&& (== net472) (< net46)) (== netstandard2.0) (== netstandard2.1)
    System.Globalization.Extensions (4.3) - restriction: || (&& (== net46) (< net45) (>= netstandard1.5)) (&& (== net46) (>= xamarinios)) (&& (== net472) (< net45)) (&& (== net472) (>= xamarinios)) (== netstandard2.0) (== netstandard2.1)
      Microsoft.NETCore.Platforms (>= 1.1) - restriction: || (&& (== net472) (< net46)) (== netstandard2.0) (== netstandard2.1)
      System.Globalization (>= 4.3) - restriction: || (&& (== net472) (< net46)) (== netstandard2.0) (== netstandard2.1)
      System.Resources.ResourceManager (>= 4.3) - restriction: || (&& (== net472) (< net46)) (== netstandard2.0) (== netstandard2.1)
      System.Runtime (>= 4.3) - restriction: || (&& (== net472) (< net46)) (== netstandard2.0) (== netstandard2.1)
      System.Runtime.Extensions (>= 4.3) - restriction: || (&& (== net472) (< net46)) (== netstandard2.0) (== netstandard2.1)
      System.Runtime.InteropServices (>= 4.3) - restriction: || (&& (== net472) (< net46)) (== netstandard2.0) (== netstandard2.1)
    System.IdentityModel.Tokens.Jwt (6.8)
      Microsoft.IdentityModel.JsonWebTokens (>= 6.8)
      Microsoft.IdentityModel.Tokens (>= 6.8)
    System.IO (4.3) - restriction: || (&& (== net46) (< net45)) (&& (== net472) (< net45)) (== netstandard2.0) (== netstandard2.1)
      Microsoft.NETCore.Platforms (>= 1.1) - restriction: || (&& (== net46) (< net45)) (&& (== net46) (>= netcoreapp5.0)) (&& (== net472) (< net45)) (&& (== net472) (>= netcoreapp5.0)) (== netstandard2.0) (== netstandard2.1)
      Microsoft.NETCore.Targets (>= 1.1) - restriction: || (&& (== net46) (< net45)) (&& (== net46) (>= netcoreapp5.0)) (&& (== net472) (< net45)) (&& (== net472) (>= netcoreapp5.0)) (== netstandard2.0) (== netstandard2.1)
      System.Runtime (>= 4.3) - restriction: || (&& (== net46) (< net45)) (&& (== net46) (>= netcoreapp5.0)) (&& (== net472) (< net45)) (&& (== net472) (>= netcoreapp5.0)) (== netstandard2.0) (== netstandard2.1)
      System.Text.Encoding (>= 4.3) - restriction: || (&& (== net46) (< net45)) (&& (== net46) (>= netcoreapp5.0)) (&& (== net472) (< net45)) (&& (== net472) (>= netcoreapp5.0)) (== netstandard2.0) (== netstandard2.1)
      System.Threading.Tasks (>= 4.3) - restriction: || (&& (== net46) (< net45)) (&& (== net46) (>= netcoreapp5.0)) (&& (== net472) (< net45)) (&& (== net472) (>= netcoreapp5.0)) (== netstandard2.0) (== netstandard2.1)
    System.IO.FileSystem (4.3) - restriction: || (&& (== net46) (< net45) (>= netstandard1.4)) (&& (== net472) (< net45)) (== netstandard2.0) (== netstandard2.1)
      Microsoft.NETCore.Platforms (>= 1.1) - restriction: || (&& (== net472) (< net46)) (== netstandard2.0) (== netstandard2.1)
      Microsoft.NETCore.Targets (>= 1.1) - restriction: || (&& (== net472) (< net46)) (== netstandard2.0) (== netstandard2.1)
      System.IO (>= 4.3) - restriction: || (&& (== net472) (< net46)) (== netstandard2.0) (== netstandard2.1)
      System.IO.FileSystem.Primitives (>= 4.3)
      System.Runtime (>= 4.3) - restriction: || (&& (== net472) (< net46)) (== netstandard2.0) (== netstandard2.1)
      System.Runtime.Handles (>= 4.3) - restriction: || (&& (== net472) (< net46)) (== netstandard2.0) (== netstandard2.1)
      System.Text.Encoding (>= 4.3) - restriction: || (&& (== net472) (< net46)) (== netstandard2.0) (== netstandard2.1)
      System.Threading.Tasks (>= 4.3) - restriction: || (&& (== net472) (< net46)) (== netstandard2.0) (== netstandard2.1)
    System.IO.FileSystem.Primitives (4.3) - restriction: || (&& (== net46) (< net45) (>= netstandard1.4)) (&& (== net472) (< net45)) (== netstandard2.0) (== netstandard2.1)
      System.Runtime (>= 4.3) - restriction: || (&& (== net472) (< net46)) (== netstandard2.0) (== netstandard2.1)
    System.Linq (4.3) - restriction: || (&& (== net46) (< net45) (>= netstandard1.5)) (&& (== net46) (>= xamarinios)) (&& (== net472) (< net45)) (&& (== net472) (>= xamarinios)) (== netstandard2.0) (== netstandard2.1)
      System.Collections (>= 4.3) - restriction: || (&& (== net46) (< net45)) (&& (== net46) (>= netcoreapp5.0)) (&& (== net472) (< net45)) (&& (== net472) (>= netcoreapp5.0)) (== netstandard2.0) (== netstandard2.1)
      System.Diagnostics.Debug (>= 4.3) - restriction: || (&& (== net46) (< net45) (>= netstandard1.6)) (&& (== net46) (>= netcoreapp5.0)) (&& (== net472) (< net45)) (&& (== net472) (>= netcoreapp5.0)) (== netstandard2.0) (== netstandard2.1)
      System.Resources.ResourceManager (>= 4.3) - restriction: || (&& (== net46) (< net45) (>= netstandard1.6)) (&& (== net46) (>= netcoreapp5.0)) (&& (== net472) (< net45)) (&& (== net472) (>= netcoreapp5.0)) (== netstandard2.0) (== netstandard2.1)
      System.Runtime (>= 4.3) - restriction: || (&& (== net46) (< net45)) (&& (== net46) (>= netcoreapp5.0)) (&& (== net472) (< net45)) (&& (== net472) (>= netcoreapp5.0)) (== netstandard2.0) (== netstandard2.1)
      System.Runtime.Extensions (>= 4.3) - restriction: || (&& (== net46) (< net45) (>= netstandard1.6)) (&& (== net46) (>= netcoreapp5.0)) (&& (== net472) (< net45)) (&& (== net472) (>= netcoreapp5.0)) (== netstandard2.0) (== netstandard2.1)
    System.Linq.Expressions (4.3) - restriction: || (&& (== net46) (< net45)) (&& (== net46) (>= netcoreapp5.0)) (&& (== net472) (< net45)) (&& (== net472) (>= netcoreapp5.0)) (== netstandard2.0) (== netstandard2.1)
      System.Collections (>= 4.3) - restriction: || (&& (== net46) (< net45) (>= netstandard1.6)) (&& (== net46) (>= netcoreapp5.0)) (&& (== net472) (< net45)) (&& (== net472) (>= netcoreapp5.0)) (== netstandard2.0) (== netstandard2.1)
      System.Diagnostics.Debug (>= 4.3) - restriction: || (&& (== net46) (< net45) (>= netstandard1.6)) (&& (== net46) (>= netcoreapp5.0)) (&& (== net472) (< net45)) (&& (== net472) (>= netcoreapp5.0)) (== netstandard2.0) (== netstandard2.1)
      System.Globalization (>= 4.3) - restriction: || (&& (== net46) (< net45) (>= netstandard1.6)) (&& (== net46) (>= netcoreapp5.0)) (&& (== net472) (< net45)) (&& (== net472) (>= netcoreapp5.0)) (== netstandard2.0) (== netstandard2.1)
      System.IO (>= 4.3) - restriction: || (&& (== net46) (< net45) (>= netstandard1.6)) (&& (== net46) (>= netcoreapp5.0)) (&& (== net472) (< net45)) (&& (== net472) (>= netcoreapp5.0)) (== netstandard2.0) (== netstandard2.1)
      System.Linq (>= 4.3) - restriction: || (&& (== net46) (< net45) (>= netstandard1.6)) (&& (== net46) (>= netcoreapp5.0)) (&& (== net472) (< net45)) (&& (== net472) (>= netcoreapp5.0)) (== netstandard2.0) (== netstandard2.1)
      System.ObjectModel (>= 4.3) - restriction: || (&& (== net46) (< net45) (>= netstandard1.6)) (&& (== net472) (< net45)) (== netstandard2.0) (== netstandard2.1)
      System.Reflection (>= 4.3) - restriction: || (&& (== net46) (< net45)) (&& (== net46) (>= netcoreapp5.0)) (&& (== net472) (< net45)) (&& (== net472) (>= netcoreapp5.0)) (== netstandard2.0) (== netstandard2.1)
      System.Reflection.Emit (>= 4.3) - restriction: || (&& (== net46) (< net45) (>= netstandard1.6)) (&& (== net472) (< net45)) (== netstandard2.0) (== netstandard2.1)
      System.Reflection.Emit.ILGeneration (>= 4.3) - restriction: || (&& (== net46) (< net45) (>= netstandard1.6)) (&& (== net46) (>= netcoreapp5.0)) (&& (== net472) (< net45)) (&& (== net472) (>= netcoreapp5.0)) (== netstandard2.0) (== netstandard2.1)
      System.Reflection.Emit.Lightweight (>= 4.3) - restriction: || (&& (== net46) (< net45) (>= netstandard1.6)) (&& (== net46) (>= netcoreapp5.0)) (&& (== net472) (< net45)) (&& (== net472) (>= netcoreapp5.0)) (== netstandard2.0) (== netstandard2.1)
      System.Reflection.Extensions (>= 4.3) - restriction: || (&& (== net46) (< net45) (>= netstandard1.6)) (&& (== net46) (>= netcoreapp5.0)) (&& (== net472) (< net45)) (&& (== net472) (>= netcoreapp5.0)) (== netstandard2.0) (== netstandard2.1)
      System.Reflection.Primitives (>= 4.3) - restriction: || (&& (== net46) (< net45) (>= netstandard1.6)) (&& (== net46) (>= netcoreapp5.0)) (&& (== net472) (< net45)) (&& (== net472) (>= netcoreapp5.0)) (== netstandard2.0) (== netstandard2.1)
      System.Reflection.TypeExtensions (>= 4.3) - restriction: || (&& (== net46) (< net45) (>= netstandard1.6)) (&& (== net46) (>= netcoreapp5.0)) (&& (== net472) (< net45)) (&& (== net472) (>= netcoreapp5.0)) (== netstandard2.0) (== netstandard2.1)
      System.Resources.ResourceManager (>= 4.3) - restriction: || (&& (== net46) (< net45) (>= netstandard1.6)) (&& (== net46) (>= netcoreapp5.0)) (&& (== net472) (< net45)) (&& (== net472) (>= netcoreapp5.0)) (== netstandard2.0) (== netstandard2.1)
      System.Runtime (>= 4.3) - restriction: || (&& (== net46) (< net45)) (&& (== net46) (>= netcoreapp5.0)) (&& (== net472) (< net45)) (&& (== net472) (>= netcoreapp5.0)) (== netstandard2.0) (== netstandard2.1)
      System.Runtime.Extensions (>= 4.3) - restriction: || (&& (== net46) (< net45) (>= netstandard1.6)) (&& (== net46) (>= netcoreapp5.0)) (&& (== net472) (< net45)) (&& (== net472) (>= netcoreapp5.0)) (== netstandard2.0) (== netstandard2.1)
      System.Threading (>= 4.3) - restriction: || (&& (== net46) (< net45) (>= netstandard1.6)) (&& (== net46) (>= netcoreapp5.0)) (&& (== net472) (< net45)) (&& (== net472) (>= netcoreapp5.0)) (== netstandard2.0) (== netstandard2.1)
    System.Memory (4.5.4) - restriction: || (&& (== net46) (>= netstandard2.1)) (&& (== net472) (< net46)) (&& (== net472) (>= netstandard2.1)) (== netstandard2.0) (== netstandard2.1)
      System.Buffers (>= 4.5.1)
      System.Numerics.Vectors (>= 4.4) - restriction: || (&& (== net46) (< net45) (>= netstandard2.0)) (&& (== net472) (< net45)) (== netstandard2.0) (== netstandard2.1)
      System.Runtime.CompilerServices.Unsafe (>= 4.5.3)
    System.Numerics.Vectors (4.5) - restriction: || (&& (== net46) (>= netstandard2.1)) (&& (== net472) (< net45)) (&& (== net472) (>= netstandard2.1)) (== netstandard2.0) (== netstandard2.1)
    System.ObjectModel (4.3) - restriction: || (&& (== net46) (< net45)) (&& (== net46) (>= netcoreapp5.0)) (&& (== net472) (< net45)) (&& (== net472) (>= netcoreapp5.0)) (== netstandard2.0) (== netstandard2.1)
      System.Collections (>= 4.3) - restriction: || (&& (== net46) (< net45)) (&& (== net46) (>= netcoreapp5.0)) (&& (== net472) (< net45)) (&& (== net472) (>= netcoreapp5.0)) (== netstandard2.0) (== netstandard2.1)
      System.Diagnostics.Debug (>= 4.3) - restriction: || (&& (== net46) (< net45)) (&& (== net46) (>= netcoreapp5.0)) (&& (== net472) (< net45)) (&& (== net472) (>= netcoreapp5.0)) (== netstandard2.0) (== netstandard2.1)
      System.Resources.ResourceManager (>= 4.3) - restriction: || (&& (== net46) (< net45)) (&& (== net46) (>= netcoreapp5.0)) (&& (== net472) (< net45)) (&& (== net472) (>= netcoreapp5.0)) (== netstandard2.0) (== netstandard2.1)
      System.Runtime (>= 4.3) - restriction: || (&& (== net46) (< net45)) (&& (== net46) (>= netcoreapp5.0)) (&& (== net472) (< net45)) (&& (== net472) (>= netcoreapp5.0)) (== netstandard2.0) (== netstandard2.1)
      System.Threading (>= 4.3) - restriction: || (&& (== net46) (< net45)) (&& (== net46) (>= netcoreapp5.0)) (&& (== net472) (< net45)) (&& (== net472) (>= netcoreapp5.0)) (== netstandard2.0) (== netstandard2.1)
    System.Private.DataContractSerialization (4.3) - restriction: || (&& (== net46) (< net45)) (&& (== net46) (>= netcoreapp5.0)) (&& (== net472) (< net45)) (&& (== net472) (>= netcoreapp5.0)) (== netstandard2.0) (== netstandard2.1)
      System.Collections (>= 4.3) - restriction: || (&& (== net46) (>= netcoreapp5.0)) (&& (== net472) (< net46)) (&& (== net472) (>= netcoreapp5.0)) (== netstandard2.0) (== netstandard2.1)
      System.Collections.Concurrent (>= 4.3) - restriction: || (&& (== net46) (>= netcoreapp5.0)) (&& (== net472) (< net46)) (&& (== net472) (>= netcoreapp5.0)) (== netstandard2.0) (== netstandard2.1)
      System.Diagnostics.Debug (>= 4.3) - restriction: || (&& (== net46) (>= netcoreapp5.0)) (&& (== net472) (< net46)) (&& (== net472) (>= netcoreapp5.0)) (== netstandard2.0) (== netstandard2.1)
      System.Globalization (>= 4.3) - restriction: || (&& (== net46) (>= netcoreapp5.0)) (&& (== net472) (< net46)) (&& (== net472) (>= netcoreapp5.0)) (== netstandard2.0) (== netstandard2.1)
      System.IO (>= 4.3) - restriction: || (&& (== net46) (>= netcoreapp5.0)) (&& (== net472) (< net46)) (&& (== net472) (>= netcoreapp5.0)) (== netstandard2.0) (== netstandard2.1)
      System.Linq (>= 4.3) - restriction: || (&& (== net46) (>= netcoreapp5.0)) (&& (== net472) (< net46)) (&& (== net472) (>= netcoreapp5.0)) (== netstandard2.0) (== netstandard2.1)
      System.Reflection (>= 4.3) - restriction: || (&& (== net46) (>= netcoreapp5.0)) (&& (== net472) (< net46)) (&& (== net472) (>= netcoreapp5.0)) (== netstandard2.0) (== netstandard2.1)
      System.Reflection.Emit.ILGeneration (>= 4.3) - restriction: || (&& (== net472) (< net46)) (== netstandard2.0) (== netstandard2.1)
      System.Reflection.Emit.Lightweight (>= 4.3) - restriction: || (&& (== net472) (< net46)) (== netstandard2.0) (== netstandard2.1)
      System.Reflection.Extensions (>= 4.3) - restriction: || (&& (== net46) (>= netcoreapp5.0)) (&& (== net472) (< net46)) (&& (== net472) (>= netcoreapp5.0)) (== netstandard2.0) (== netstandard2.1)
      System.Reflection.Primitives (>= 4.3) - restriction: || (&& (== net46) (>= netcoreapp5.0)) (&& (== net472) (< net46)) (&& (== net472) (>= netcoreapp5.0)) (== netstandard2.0) (== netstandard2.1)
      System.Reflection.TypeExtensions (>= 4.3)
      System.Resources.ResourceManager (>= 4.3) - restriction: || (&& (== net46) (>= netcoreapp5.0)) (&& (== net472) (< net46)) (&& (== net472) (>= netcoreapp5.0)) (== netstandard2.0) (== netstandard2.1)
      System.Runtime (>= 4.3) - restriction: || (&& (== net46) (>= netcoreapp5.0)) (&& (== net472) (< net46)) (&& (== net472) (>= netcoreapp5.0)) (== netstandard2.0) (== netstandard2.1)
      System.Runtime.Extensions (>= 4.3) - restriction: || (&& (== net46) (>= netcoreapp5.0)) (&& (== net472) (< net46)) (&& (== net472) (>= netcoreapp5.0)) (== netstandard2.0) (== netstandard2.1)
      System.Runtime.Serialization.Primitives (>= 4.3)
      System.Text.Encoding (>= 4.3) - restriction: || (&& (== net46) (>= netcoreapp5.0)) (&& (== net472) (< net46)) (&& (== net472) (>= netcoreapp5.0)) (== netstandard2.0) (== netstandard2.1)
      System.Text.Encoding.Extensions (>= 4.3) - restriction: || (&& (== net46) (>= netcoreapp5.0)) (&& (== net472) (< net46)) (&& (== net472) (>= netcoreapp5.0)) (== netstandard2.0) (== netstandard2.1)
      System.Text.RegularExpressions (>= 4.3) - restriction: || (&& (== net46) (>= netcoreapp5.0)) (&& (== net472) (< net46)) (&& (== net472) (>= netcoreapp5.0)) (== netstandard2.0) (== netstandard2.1)
      System.Threading (>= 4.3) - restriction: || (&& (== net46) (>= netcoreapp5.0)) (&& (== net472) (< net46)) (&& (== net472) (>= netcoreapp5.0)) (== netstandard2.0) (== netstandard2.1)
      System.Threading.Tasks (>= 4.3) - restriction: || (&& (== net46) (>= netcoreapp5.0)) (&& (== net472) (< net46)) (&& (== net472) (>= netcoreapp5.0)) (== netstandard2.0) (== netstandard2.1)
      System.Xml.ReaderWriter (>= 4.3) - restriction: || (&& (== net46) (>= netcoreapp5.0)) (&& (== net472) (< net46)) (&& (== net472) (>= netcoreapp5.0)) (== netstandard2.0) (== netstandard2.1)
      System.Xml.XDocument (>= 4.3) - restriction: || (&& (== net46) (>= netcoreapp5.0)) (&& (== net472) (< net46)) (&& (== net472) (>= netcoreapp5.0)) (== netstandard2.0) (== netstandard2.1)
      System.Xml.XmlDocument (>= 4.3)
      System.Xml.XmlSerializer (>= 4.3) - restriction: || (&& (== net46) (>= netcoreapp5.0)) (&& (== net472) (< net46)) (&& (== net472) (>= netcoreapp5.0)) (== netstandard2.0) (== netstandard2.1)
    System.Private.Uri (4.3.2) - restriction: || (&& (== net46) (< net45)) (&& (== net472) (< net45)) (== netstandard2.0) (== netstandard2.1)
      Microsoft.NETCore.Platforms (>= 1.1.1)
      Microsoft.NETCore.Targets (>= 1.1.3)
    System.Reflection (4.3) - restriction: || (&& (== net46) (< net45)) (&& (== net46) (>= xamarinios)) (&& (== net472) (< net45)) (&& (== net472) (>= xamarinios)) (== netstandard2.0) (== netstandard2.1)
      Microsoft.NETCore.Platforms (>= 1.1) - restriction: || (&& (== net46) (< net45)) (&& (== net46) (>= netcoreapp5.0)) (&& (== net472) (< net45)) (&& (== net472) (>= netcoreapp5.0)) (== netstandard2.0) (== netstandard2.1)
      Microsoft.NETCore.Targets (>= 1.1) - restriction: || (&& (== net46) (< net45)) (&& (== net46) (>= netcoreapp5.0)) (&& (== net472) (< net45)) (&& (== net472) (>= netcoreapp5.0)) (== netstandard2.0) (== netstandard2.1)
      System.IO (>= 4.3) - restriction: || (&& (== net46) (< net45)) (&& (== net46) (>= netcoreapp5.0)) (&& (== net472) (< net45)) (&& (== net472) (>= netcoreapp5.0)) (== netstandard2.0) (== netstandard2.1)
      System.Reflection.Primitives (>= 4.3) - restriction: || (&& (== net46) (< net45)) (&& (== net46) (>= netcoreapp5.0)) (&& (== net472) (< net45)) (&& (== net472) (>= netcoreapp5.0)) (== netstandard2.0) (== netstandard2.1)
      System.Runtime (>= 4.3) - restriction: || (&& (== net46) (< net45)) (&& (== net46) (>= netcoreapp5.0)) (&& (== net472) (< net45)) (&& (== net472) (>= netcoreapp5.0)) (== netstandard2.0) (== netstandard2.1)
    System.Reflection.Emit (4.7) - restriction: || (&& (== net46) (< net45)) (&& (== net472) (< net45)) (== netstandard2.0) (== netstandard2.1)
      System.Reflection.Emit.ILGeneration (>= 4.7) - restriction: || (&& (== net46) (== netstandard2.1)) (&& (== net46) (< net45)) (&& (== net46) (>= netcoreapp5.0)) (&& (== net46) (< netstandard1.1)) (&& (== net46) (>= uap10.1)) (&& (== net46) (>= wpa81)) (&& (== net472) (== netstandard2.1)) (&& (== net472) (< net45)) (&& (== net472) (>= netcoreapp5.0)) (&& (== net472) (< netstandard1.1)) (&& (== net472) (< netstandard2.0) (>= wpa81)) (&& (== net472) (>= uap10.1)) (== netstandard2.0) (&& (== netstandard2.1) (>= netcoreapp5.0)) (&& (== netstandard2.1) (< netstandard1.1)) (&& (== netstandard2.1) (< netstandard2.0)) (&& (== netstandard2.1) (>= uap10.1))
    System.Reflection.Emit.ILGeneration (4.7) - restriction: || (&& (== net46) (< net45)) (&& (== net46) (>= netcoreapp5.0)) (&& (== net46) (< netstandard1.1)) (&& (== net46) (>= uap10.1)) (&& (== net46) (>= wpa81)) (&& (== net472) (< net45)) (&& (== net472) (>= netcoreapp5.0)) (&& (== net472) (< netstandard1.1)) (&& (== net472) (< netstandard2.0) (>= wpa81)) (&& (== net472) (>= uap10.1)) (== netstandard2.0) (== netstandard2.1)
    System.Reflection.Emit.Lightweight (4.7) - restriction: || (&& (== net46) (< net45) (>= netstandard1.6)) (&& (== net46) (>= netcoreapp5.0)) (&& (== net472) (< net45)) (&& (== net472) (>= netcoreapp5.0)) (== netstandard2.0) (== netstandard2.1)
      System.Reflection.Emit.ILGeneration (>= 4.7) - restriction: || (&& (== net46) (== netstandard2.1)) (&& (== net46) (< net45)) (&& (== net46) (>= netcoreapp5.0)) (&& (== net46) (< portable-net45+wp8)) (&& (== net46) (>= uap10.1)) (&& (== net46) (>= wpa81)) (&& (== net472) (== netstandard2.1)) (&& (== net472) (< net45)) (&& (== net472) (>= netcoreapp5.0)) (&& (== net472) (< netstandard2.0) (>= wpa81)) (&& (== net472) (< portable-net45+wp8)) (&& (== net472) (>= uap10.1)) (== netstandard2.0) (&& (== netstandard2.1) (>= netcoreapp5.0)) (&& (== netstandard2.1) (< netstandard2.0)) (&& (== netstandard2.1) (< portable-net45+wp8)) (&& (== netstandard2.1) (>= uap10.1))
    System.Reflection.Extensions (4.3) - restriction: || (&& (== net46) (< net45)) (&& (== net46) (>= xamarinios)) (&& (== net472) (< net45)) (&& (== net472) (>= xamarinios)) (== netstandard2.0) (== netstandard2.1)
      Microsoft.NETCore.Platforms (>= 1.1) - restriction: || (&& (== net46) (< net45)) (&& (== net46) (>= netcoreapp5.0)) (&& (== net472) (< net45)) (&& (== net472) (>= netcoreapp5.0)) (== netstandard2.0) (== netstandard2.1)
      Microsoft.NETCore.Targets (>= 1.1) - restriction: || (&& (== net46) (< net45)) (&& (== net46) (>= netcoreapp5.0)) (&& (== net472) (< net45)) (&& (== net472) (>= netcoreapp5.0)) (== netstandard2.0) (== netstandard2.1)
      System.Reflection (>= 4.3) - restriction: || (&& (== net46) (< net45)) (&& (== net46) (>= netcoreapp5.0)) (&& (== net472) (< net45)) (&& (== net472) (>= netcoreapp5.0)) (== netstandard2.0) (== netstandard2.1)
      System.Runtime (>= 4.3) - restriction: || (&& (== net46) (< net45)) (&& (== net46) (>= netcoreapp5.0)) (&& (== net472) (< net45)) (&& (== net472) (>= netcoreapp5.0)) (== netstandard2.0) (== netstandard2.1)
    System.Reflection.Primitives (4.3) - restriction: || (&& (== net46) (< net45)) (&& (== net46) (>= xamarinios)) (&& (== net472) (< net45)) (&& (== net472) (>= xamarinios)) (== netstandard2.0) (== netstandard2.1)
      Microsoft.NETCore.Platforms (>= 1.1) - restriction: || (&& (== net46) (< net45)) (&& (== net46) (>= netcoreapp5.0)) (&& (== net472) (< net45)) (&& (== net472) (>= netcoreapp5.0)) (== netstandard2.0) (== netstandard2.1)
      Microsoft.NETCore.Targets (>= 1.1) - restriction: || (&& (== net46) (< net45)) (&& (== net46) (>= netcoreapp5.0)) (&& (== net472) (< net45)) (&& (== net472) (>= netcoreapp5.0)) (== netstandard2.0) (== netstandard2.1)
      System.Runtime (>= 4.3) - restriction: || (&& (== net46) (< net45)) (&& (== net46) (>= netcoreapp5.0)) (&& (== net472) (< net45)) (&& (== net472) (>= netcoreapp5.0)) (== netstandard2.0) (== netstandard2.1)
    System.Reflection.TypeExtensions (4.7) - restriction: || (&& (== net46) (< net45) (>= netstandard1.5)) (&& (== net46) (>= xamarinios)) (&& (== net472) (< net45)) (&& (== net472) (>= xamarinios)) (== netstandard2.0) (== netstandard2.1)
    System.Resources.ResourceManager (4.3) - restriction: || (&& (== net46) (< net45)) (&& (== net46) (>= xamarinios)) (&& (== net472) (< net45)) (&& (== net472) (>= xamarinios)) (== netstandard2.0) (== netstandard2.1)
      Microsoft.NETCore.Platforms (>= 1.1) - restriction: || (&& (== net46) (< net45)) (&& (== net46) (>= netcoreapp5.0)) (&& (== net472) (< net45)) (&& (== net472) (>= netcoreapp5.0)) (== netstandard2.0) (== netstandard2.1)
      Microsoft.NETCore.Targets (>= 1.1) - restriction: || (&& (== net46) (< net45)) (&& (== net46) (>= netcoreapp5.0)) (&& (== net472) (< net45)) (&& (== net472) (>= netcoreapp5.0)) (== netstandard2.0) (== netstandard2.1)
      System.Globalization (>= 4.3) - restriction: || (&& (== net46) (< net45)) (&& (== net46) (>= netcoreapp5.0)) (&& (== net472) (< net45)) (&& (== net472) (>= netcoreapp5.0)) (== netstandard2.0) (== netstandard2.1)
      System.Reflection (>= 4.3) - restriction: || (&& (== net46) (< net45)) (&& (== net46) (>= netcoreapp5.0)) (&& (== net472) (< net45)) (&& (== net472) (>= netcoreapp5.0)) (== netstandard2.0) (== netstandard2.1)
      System.Runtime (>= 4.3) - restriction: || (&& (== net46) (< net45)) (&& (== net46) (>= netcoreapp5.0)) (&& (== net472) (< net45)) (&& (== net472) (>= netcoreapp5.0)) (== netstandard2.0) (== netstandard2.1)
    System.Runtime (4.3.1) - restriction: || (&& (== net46) (< net45)) (&& (== net46) (>= netcoreapp5.0)) (&& (== net46) (>= xamarinios)) (&& (== net472) (< net45)) (&& (== net472) (>= netcoreapp5.0)) (&& (== net472) (>= xamarinios)) (== netstandard2.0) (== netstandard2.1)
      Microsoft.NETCore.Platforms (>= 1.1.1) - restriction: || (&& (== net46) (< net45)) (&& (== net46) (>= netcoreapp5.0)) (&& (== net472) (< net45)) (&& (== net472) (>= netcoreapp5.0)) (== netstandard2.0) (== netstandard2.1)
      Microsoft.NETCore.Targets (>= 1.1.3) - restriction: || (&& (== net46) (< net45)) (&& (== net46) (>= netcoreapp5.0)) (&& (== net472) (< net45)) (&& (== net472) (>= netcoreapp5.0)) (== netstandard2.0) (== netstandard2.1)
    System.Runtime.CompilerServices.Unsafe (5.0) - restriction: || (&& (== net46) (>= netcoreapp2.1)) (&& (== net46) (>= netstandard2.1)) (&& (== net472) (< net46)) (&& (== net472) (>= netcoreapp2.0)) (&& (== net472) (>= netcoreapp2.1)) (&& (== net472) (>= netstandard2.1)) (== netstandard2.0) (== netstandard2.1)
    System.Runtime.Extensions (4.3.1) - restriction: || (&& (== net46) (< net45)) (&& (== net46) (>= netcoreapp5.0)) (&& (== net46) (>= xamarinios)) (&& (== net472) (< net45)) (&& (== net472) (>= netcoreapp5.0)) (&& (== net472) (>= xamarinios)) (== netstandard2.0) (== netstandard2.1)
      Microsoft.NETCore.Platforms (>= 1.1.1) - restriction: || (&& (== net46) (< net45)) (&& (== net46) (>= netcoreapp5.0)) (&& (== net472) (< net45)) (&& (== net472) (>= netcoreapp5.0)) (== netstandard2.0) (== netstandard2.1)
      Microsoft.NETCore.Targets (>= 1.1.3) - restriction: || (&& (== net46) (< net45)) (&& (== net46) (>= netcoreapp5.0)) (&& (== net472) (< net45)) (&& (== net472) (>= netcoreapp5.0)) (== netstandard2.0) (== netstandard2.1)
      System.Runtime (>= 4.3.1) - restriction: || (&& (== net46) (< net45)) (&& (== net46) (>= netcoreapp5.0)) (&& (== net472) (< net45)) (&& (== net472) (>= netcoreapp5.0)) (== netstandard2.0) (== netstandard2.1)
    System.Runtime.Handles (4.3) - restriction: || (&& (== net46) (< net45)) (&& (== net472) (< net45)) (== netstandard2.0) (== netstandard2.1)
      Microsoft.NETCore.Platforms (>= 1.1) - restriction: || (&& (== net472) (< net46)) (== netstandard2.0) (== netstandard2.1)
      Microsoft.NETCore.Targets (>= 1.1) - restriction: || (&& (== net472) (< net46)) (== netstandard2.0) (== netstandard2.1)
      System.Runtime (>= 4.3) - restriction: || (&& (== net472) (< net46)) (== netstandard2.0) (== netstandard2.1)
    System.Runtime.InteropServices (4.3) - restriction: || (&& (== net46) (< net45) (>= netstandard1.4)) (&& (== net472) (< net45)) (== netstandard2.0) (== netstandard2.1)
      Microsoft.NETCore.Platforms (>= 1.1) - restriction: || (&& (== net46) (< net45)) (&& (== net46) (>= netcoreapp1.1)) (&& (== net472) (< net45)) (&& (== net472) (>= netcoreapp1.1)) (== netstandard2.0) (== netstandard2.1)
      Microsoft.NETCore.Targets (>= 1.1) - restriction: || (&& (== net46) (< net45)) (&& (== net46) (>= netcoreapp1.1)) (&& (== net472) (< net45)) (&& (== net472) (>= netcoreapp1.1)) (== netstandard2.0) (== netstandard2.1)
      System.Reflection (>= 4.3) - restriction: || (&& (== net46) (< net45)) (&& (== net46) (>= netcoreapp1.1)) (&& (== net472) (< net45)) (&& (== net472) (>= netcoreapp1.1)) (== netstandard2.0) (== netstandard2.1)
      System.Reflection.Primitives (>= 4.3) - restriction: || (&& (== net46) (< net45)) (&& (== net46) (>= netcoreapp1.1)) (&& (== net472) (< net45)) (&& (== net472) (>= netcoreapp1.1)) (== netstandard2.0) (== netstandard2.1)
      System.Runtime (>= 4.3) - restriction: || (&& (== net46) (< net45)) (&& (== net46) (>= net462)) (&& (== net46) (>= netcoreapp1.1)) (== net472) (== netstandard2.0) (== netstandard2.1)
      System.Runtime.Handles (>= 4.3) - restriction: || (&& (== net46) (< net45)) (&& (== net46) (>= netcoreapp1.1)) (&& (== net472) (< net45)) (&& (== net472) (>= netcoreapp1.1)) (== netstandard2.0) (== netstandard2.1)
    System.Runtime.Numerics (4.3) - restriction: || (&& (== net46) (< net45) (>= netstandard1.6)) (&& (== net46) (>= netcoreapp5.0)) (&& (== net472) (< net45)) (&& (== net472) (>= netcoreapp5.0)) (== netstandard2.0) (== netstandard2.1)
      System.Globalization (>= 4.3) - restriction: || (&& (== net46) (< net45)) (&& (== net46) (>= netcoreapp5.0)) (&& (== net472) (< net45)) (&& (== net472) (>= netcoreapp5.0)) (== netstandard2.0) (== netstandard2.1)
      System.Resources.ResourceManager (>= 4.3) - restriction: || (&& (== net46) (< net45)) (&& (== net46) (>= netcoreapp5.0)) (&& (== net472) (< net45)) (&& (== net472) (>= netcoreapp5.0)) (== netstandard2.0) (== netstandard2.1)
      System.Runtime (>= 4.3) - restriction: || (&& (== net46) (< net45)) (&& (== net46) (>= netcoreapp5.0)) (&& (== net472) (< net45)) (&& (== net472) (>= netcoreapp5.0)) (== netstandard2.0) (== netstandard2.1)
      System.Runtime.Extensions (>= 4.3) - restriction: || (&& (== net46) (< net45)) (&& (== net46) (>= netcoreapp5.0)) (&& (== net472) (< net45)) (&& (== net472) (>= netcoreapp5.0)) (== netstandard2.0) (== netstandard2.1)
    System.Runtime.Serialization.Formatters (4.3) - restriction: || (&& (== net46) (< net45)) (&& (== net46) (>= xamarinios)) (&& (== net472) (< net45)) (&& (== net472) (>= xamarinios)) (== netstandard2.0) (== netstandard2.1)
      System.Collections (>= 4.3) - restriction: || (&& (== net472) (< net46)) (== netstandard2.0) (== netstandard2.1)
      System.Reflection (>= 4.3) - restriction: || (&& (== net472) (< net46)) (== netstandard2.0) (== netstandard2.1)
      System.Resources.ResourceManager (>= 4.3) - restriction: || (&& (== net472) (< net46)) (== netstandard2.0) (== netstandard2.1)
      System.Runtime (>= 4.3) - restriction: || (&& (== net472) (< net46)) (== netstandard2.0) (== netstandard2.1)
      System.Runtime.Serialization.Primitives (>= 4.3)
    System.Runtime.Serialization.Json (4.3) - restriction: || (&& (== net46) (< net45)) (&& (== net472) (< net45)) (== netstandard2.0) (== netstandard2.1)
      System.IO (>= 4.3) - restriction: || (&& (== net46) (< net45)) (&& (== net46) (>= netcoreapp5.0)) (&& (== net472) (< net45)) (&& (== net472) (>= netcoreapp5.0)) (== netstandard2.0) (== netstandard2.1)
      System.Private.DataContractSerialization (>= 4.3) - restriction: || (&& (== net46) (< net45)) (&& (== net46) (>= netcoreapp5.0)) (&& (== net472) (< net45)) (&& (== net472) (>= netcoreapp5.0)) (== netstandard2.0) (== netstandard2.1)
      System.Runtime (>= 4.3) - restriction: || (&& (== net46) (< net45)) (&& (== net46) (>= netcoreapp5.0)) (&& (== net472) (< net45)) (&& (== net472) (>= netcoreapp5.0)) (== netstandard2.0) (== netstandard2.1)
    System.Runtime.Serialization.Primitives (4.3) - restriction: || (&& (== net46) (< net45)) (&& (== net46) (>= xamarinios)) (&& (== net472) (< net45)) (&& (== net472) (>= xamarinios)) (== netstandard2.0) (== netstandard2.1)
      System.Resources.ResourceManager (>= 4.3) - restriction: || (&& (== net46) (< net45)) (&& (== net46) (>= netcoreapp5.0)) (&& (== net472) (< net45)) (&& (== net472) (>= netcoreapp5.0)) (== netstandard2.0) (== netstandard2.1)
      System.Runtime (>= 4.3) - restriction: || (&& (== net46) (< net45)) (&& (== net46) (>= netcoreapp5.0)) (&& (== net472) (< net45)) (&& (== net472) (>= netcoreapp5.0)) (== netstandard2.0) (== netstandard2.1)
    System.Runtime.WindowsRuntime (4.7) - restriction: || (&& (== net46) (>= net461)) (== net472) (&& (== netstandard2.0) (>= net461)) (&& (== netstandard2.1) (>= net461))
    System.Runtime.WindowsRuntime.UI.Xaml (4.7) - restriction: || (&& (== net46) (>= net461)) (== net472) (&& (== netstandard2.0) (>= net461)) (&& (== netstandard2.1) (>= net461))
      System.Runtime.WindowsRuntime (>= 4.7)
    System.Security.AccessControl (5.0) - restriction: || (&& (== net46) (>= netcoreapp2.1)) (&& (== net46) (>= netstandard2.1)) (&& (== net472) (>= monoandroid)) (&& (== net472) (>= monotouch)) (&& (== net472) (< net46)) (&& (== net472) (>= netcoreapp2.0)) (&& (== net472) (>= netcoreapp2.1)) (&& (== net472) (>= netstandard2.1)) (&& (== net472) (>= uap10.1)) (&& (== net472) (>= xamarinios)) (&& (== net472) (>= xamarinmac)) (&& (== net472) (>= xamarintvos)) (&& (== net472) (>= xamarinwatchos)) (== netstandard2.0) (== netstandard2.1)
      System.Security.Principal.Windows (>= 5.0)
    System.Security.Cryptography.Algorithms (4.3.1) - restriction: || (&& (== net46) (< net45)) (&& (== net46) (>= netcoreapp5.0)) (&& (== net472) (< net45)) (&& (== net472) (>= netcoreapp5.0)) (== netstandard2.0) (== netstandard2.1)
      Microsoft.NETCore.Platforms (>= 1.1) - restriction: || (&& (== net46) (>= netcoreapp5.0)) (&& (== net472) (< net46)) (&& (== net472) (>= netcoreapp5.0)) (== netstandard2.0) (== netstandard2.1)
      runtime.native.System.Security.Cryptography.Apple (>= 4.3.1) - restriction: || (&& (== net472) (< net46)) (== netstandard2.0) (== netstandard2.1)
      runtime.native.System.Security.Cryptography.OpenSsl (>= 4.3.2) - restriction: || (&& (== net472) (< net46)) (== netstandard2.0) (== netstandard2.1)
      System.Collections (>= 4.3) - restriction: || (&& (== net472) (< net46)) (== netstandard2.0) (== netstandard2.1)
      System.IO (>= 4.3) - restriction: || (&& (== net46) (>= net463)) (&& (== net46) (>= netcoreapp5.0)) (== net472) (== netstandard2.0) (== netstandard2.1)
      System.Resources.ResourceManager (>= 4.3) - restriction: || (&& (== net46) (>= netcoreapp5.0)) (&& (== net472) (< net46)) (&& (== net472) (>= netcoreapp5.0)) (== netstandard2.0) (== netstandard2.1)
      System.Runtime (>= 4.3) - restriction: || (&& (== net46) (>= net463)) (&& (== net46) (>= netcoreapp5.0)) (== net472) (== netstandard2.0) (== netstandard2.1)
      System.Runtime.Extensions (>= 4.3) - restriction: || (&& (== net46) (>= netcoreapp5.0)) (&& (== net472) (< net46)) (&& (== net472) (>= netcoreapp5.0)) (== netstandard2.0) (== netstandard2.1)
      System.Runtime.Handles (>= 4.3) - restriction: || (&& (== net46) (>= netcoreapp5.0)) (&& (== net472) (< net46)) (&& (== net472) (>= netcoreapp5.0)) (== netstandard2.0) (== netstandard2.1)
      System.Runtime.InteropServices (>= 4.3) - restriction: || (&& (== net46) (>= netcoreapp5.0)) (&& (== net472) (< net46)) (&& (== net472) (>= netcoreapp5.0)) (== netstandard2.0) (== netstandard2.1)
      System.Runtime.Numerics (>= 4.3) - restriction: || (&& (== net472) (< net46)) (== netstandard2.0) (== netstandard2.1)
      System.Security.Cryptography.Encoding (>= 4.3) - restriction: || (&& (== net46) (>= net463)) (&& (== net46) (>= netcoreapp5.0)) (== net472) (== netstandard2.0) (== netstandard2.1)
      System.Security.Cryptography.Primitives (>= 4.3)
      System.Text.Encoding (>= 4.3) - restriction: || (&& (== net46) (>= netcoreapp5.0)) (&& (== net472) (< net46)) (&& (== net472) (>= netcoreapp5.0)) (== netstandard2.0) (== netstandard2.1)
    System.Security.Cryptography.Cng (5.0) - restriction: || (&& (== net46) (< net45) (>= netstandard2.0)) (&& (== net472) (< net45)) (== netstandard2.0) (== netstandard2.1)
    System.Security.Cryptography.Csp (4.3) - restriction: || (&& (== net46) (< net45) (>= netstandard1.6)) (&& (== net472) (< net45)) (== netstandard2.0) (== netstandard2.1)
      Microsoft.NETCore.Platforms (>= 1.1) - restriction: || (&& (== net472) (< net46)) (== netstandard2.0) (== netstandard2.1)
      System.IO (>= 4.3) - restriction: || (&& (== net472) (< net46)) (== netstandard2.0) (== netstandard2.1)
      System.Reflection (>= 4.3) - restriction: || (&& (== net472) (< net46)) (== netstandard2.0) (== netstandard2.1)
      System.Resources.ResourceManager (>= 4.3) - restriction: || (&& (== net472) (< net46)) (== netstandard2.0) (== netstandard2.1)
      System.Runtime (>= 4.3) - restriction: || (&& (== net472) (< net46)) (== netstandard2.0) (== netstandard2.1)
      System.Runtime.Extensions (>= 4.3) - restriction: || (&& (== net472) (< net46)) (== netstandard2.0) (== netstandard2.1)
      System.Runtime.Handles (>= 4.3) - restriction: || (&& (== net472) (< net46)) (== netstandard2.0) (== netstandard2.1)
      System.Runtime.InteropServices (>= 4.3) - restriction: || (&& (== net472) (< net46)) (== netstandard2.0) (== netstandard2.1)
      System.Security.Cryptography.Algorithms (>= 4.3)
      System.Security.Cryptography.Encoding (>= 4.3) - restriction: || (&& (== net472) (< net46)) (== netstandard2.0) (== netstandard2.1)
      System.Security.Cryptography.Primitives (>= 4.3)
      System.Text.Encoding (>= 4.3) - restriction: || (&& (== net472) (< net46)) (== netstandard2.0) (== netstandard2.1)
      System.Threading (>= 4.3) - restriction: || (&& (== net472) (< net46)) (== netstandard2.0) (== netstandard2.1)
    System.Security.Cryptography.Encoding (4.3) - restriction: || (&& (== net46) (< net45)) (&& (== net46) (>= netcoreapp5.0)) (&& (== net472) (< net45)) (&& (== net472) (>= netcoreapp5.0)) (== netstandard2.0) (== netstandard2.1)
      Microsoft.NETCore.Platforms (>= 1.1) - restriction: || (&& (== net472) (< net46)) (== netstandard2.0) (== netstandard2.1)
      runtime.native.System.Security.Cryptography.OpenSsl (>= 4.3) - restriction: || (&& (== net472) (< net46)) (== netstandard2.0) (== netstandard2.1)
      System.Collections (>= 4.3) - restriction: || (&& (== net472) (< net46)) (== netstandard2.0) (== netstandard2.1)
      System.Collections.Concurrent (>= 4.3) - restriction: || (&& (== net472) (< net46)) (== netstandard2.0) (== netstandard2.1)
      System.Linq (>= 4.3) - restriction: || (&& (== net472) (< net46)) (== netstandard2.0) (== netstandard2.1)
      System.Resources.ResourceManager (>= 4.3) - restriction: || (&& (== net472) (< net46)) (== netstandard2.0) (== netstandard2.1)
      System.Runtime (>= 4.3) - restriction: || (&& (== net472) (< net46)) (== netstandard2.0) (== netstandard2.1)
      System.Runtime.Extensions (>= 4.3) - restriction: || (&& (== net472) (< net46)) (== netstandard2.0) (== netstandard2.1)
      System.Runtime.Handles (>= 4.3) - restriction: || (&& (== net472) (< net46)) (== netstandard2.0) (== netstandard2.1)
      System.Runtime.InteropServices (>= 4.3) - restriction: || (&& (== net472) (< net46)) (== netstandard2.0) (== netstandard2.1)
      System.Security.Cryptography.Primitives (>= 4.3) - restriction: || (&& (== net472) (< net46)) (== netstandard2.0) (== netstandard2.1)
      System.Text.Encoding (>= 4.3) - restriction: || (&& (== net472) (< net46)) (== netstandard2.0) (== netstandard2.1)
    System.Security.Cryptography.OpenSsl (5.0) - restriction: || (&& (== net46) (< net45) (>= netstandard1.6)) (&& (== net472) (< net45)) (== netstandard2.0) (== netstandard2.1)
    System.Security.Cryptography.Primitives (4.3) - restriction: || (&& (== net46) (< net45) (>= netstandard1.6)) (&& (== net46) (>= netcoreapp5.0)) (&& (== net472) (< net45)) (&& (== net472) (>= netcoreapp5.0)) (== netstandard2.0) (== netstandard2.1)
      System.Diagnostics.Debug (>= 4.3) - restriction: || (&& (== net472) (< net46)) (== netstandard2.0) (== netstandard2.1)
      System.Globalization (>= 4.3) - restriction: || (&& (== net472) (< net46)) (== netstandard2.0) (== netstandard2.1)
      System.IO (>= 4.3) - restriction: || (&& (== net472) (< net46)) (== netstandard2.0) (== netstandard2.1)
      System.Resources.ResourceManager (>= 4.3) - restriction: || (&& (== net472) (< net46)) (== netstandard2.0) (== netstandard2.1)
      System.Runtime (>= 4.3) - restriction: || (&& (== net472) (< net46)) (== netstandard2.0) (== netstandard2.1)
      System.Threading (>= 4.3) - restriction: || (&& (== net472) (< net46)) (== netstandard2.0) (== netstandard2.1)
      System.Threading.Tasks (>= 4.3) - restriction: || (&& (== net472) (< net46)) (== netstandard2.0) (== netstandard2.1)
    System.Security.Cryptography.X509Certificates (4.3.2) - restriction: || (&& (== net46) (< net45)) (&& (== net472) (< net45)) (== netstandard2.0) (== netstandard2.1)
      Microsoft.NETCore.Platforms (>= 1.1) - restriction: || (&& (== net46) (>= netcoreapp5.0)) (&& (== net472) (< net46)) (&& (== net472) (>= netcoreapp5.0)) (== netstandard2.0) (== netstandard2.1)
      runtime.native.System (>= 4.3) - restriction: || (&& (== net472) (< net46)) (== netstandard2.0) (== netstandard2.1)
      runtime.native.System.Net.Http (>= 4.3) - restriction: || (&& (== net472) (< net46)) (== netstandard2.0) (== netstandard2.1)
      runtime.native.System.Security.Cryptography.OpenSsl (>= 4.3.2) - restriction: || (&& (== net472) (< net46)) (== netstandard2.0) (== netstandard2.1)
      System.Collections (>= 4.3) - restriction: || (&& (== net46) (>= netcoreapp5.0)) (&& (== net472) (< net46)) (&& (== net472) (>= netcoreapp5.0)) (== netstandard2.0) (== netstandard2.1)
      System.Diagnostics.Debug (>= 4.3) - restriction: || (&& (== net472) (< net46)) (== netstandard2.0) (== netstandard2.1)
      System.Globalization (>= 4.3) - restriction: || (&& (== net46) (>= netcoreapp5.0)) (&& (== net472) (< net46)) (&& (== net472) (>= netcoreapp5.0)) (== netstandard2.0) (== netstandard2.1)
      System.Globalization.Calendars (>= 4.3) - restriction: || (&& (== net46) (>= netcoreapp5.0)) (&& (== net472) (< net46)) (&& (== net472) (>= netcoreapp5.0)) (== netstandard2.0) (== netstandard2.1)
      System.IO (>= 4.3) - restriction: || (&& (== net46) (>= netcoreapp5.0)) (&& (== net472) (< net46)) (&& (== net472) (>= netcoreapp5.0)) (== netstandard2.0) (== netstandard2.1)
      System.IO.FileSystem (>= 4.3) - restriction: || (&& (== net46) (>= netcoreapp5.0)) (&& (== net472) (< net46)) (&& (== net472) (>= netcoreapp5.0)) (== netstandard2.0) (== netstandard2.1)
      System.IO.FileSystem.Primitives (>= 4.3) - restriction: || (&& (== net472) (< net46)) (== netstandard2.0) (== netstandard2.1)
      System.Resources.ResourceManager (>= 4.3) - restriction: || (&& (== net46) (>= netcoreapp5.0)) (&& (== net472) (< net46)) (&& (== net472) (>= netcoreapp5.0)) (== netstandard2.0) (== netstandard2.1)
      System.Runtime (>= 4.3) - restriction: || (&& (== net46) (>= netcoreapp5.0)) (&& (== net472) (< net46)) (&& (== net472) (>= netcoreapp5.0)) (== netstandard2.0) (== netstandard2.1)
      System.Runtime.Extensions (>= 4.3) - restriction: || (&& (== net46) (>= netcoreapp5.0)) (&& (== net472) (< net46)) (&& (== net472) (>= netcoreapp5.0)) (== netstandard2.0) (== netstandard2.1)
      System.Runtime.Handles (>= 4.3) - restriction: || (&& (== net46) (>= netcoreapp5.0)) (&& (== net472) (< net46)) (&& (== net472) (>= netcoreapp5.0)) (== netstandard2.0) (== netstandard2.1)
      System.Runtime.InteropServices (>= 4.3) - restriction: || (&& (== net46) (>= netcoreapp5.0)) (&& (== net472) (< net46)) (&& (== net472) (>= netcoreapp5.0)) (== netstandard2.0) (== netstandard2.1)
      System.Runtime.Numerics (>= 4.3) - restriction: || (&& (== net46) (>= netcoreapp5.0)) (&& (== net472) (< net46)) (&& (== net472) (>= netcoreapp5.0)) (== netstandard2.0) (== netstandard2.1)
      System.Security.Cryptography.Algorithms (>= 4.3)
      System.Security.Cryptography.Cng (>= 4.3) - restriction: || (&& (== net46) (>= netcoreapp5.0)) (&& (== net472) (< net46)) (&& (== net472) (>= netcoreapp5.0)) (== netstandard2.0) (== netstandard2.1)
      System.Security.Cryptography.Csp (>= 4.3) - restriction: || (&& (== net472) (< net46)) (== netstandard2.0) (== netstandard2.1)
      System.Security.Cryptography.Encoding (>= 4.3)
      System.Security.Cryptography.OpenSsl (>= 4.3) - restriction: || (&& (== net472) (< net46)) (== netstandard2.0) (== netstandard2.1)
      System.Security.Cryptography.Primitives (>= 4.3) - restriction: || (&& (== net46) (>= netcoreapp5.0)) (&& (== net472) (< net46)) (&& (== net472) (>= netcoreapp5.0)) (== netstandard2.0) (== netstandard2.1)
      System.Text.Encoding (>= 4.3) - restriction: || (&& (== net46) (>= netcoreapp5.0)) (&& (== net472) (< net46)) (&& (== net472) (>= netcoreapp5.0)) (== netstandard2.0) (== netstandard2.1)
      System.Threading (>= 4.3) - restriction: || (&& (== net46) (>= netcoreapp5.0)) (&& (== net472) (< net46)) (&& (== net472) (>= netcoreapp5.0)) (== netstandard2.0) (== netstandard2.1)
    System.Security.Principal.Windows (5.0) - restriction: || (&& (== net46) (>= netcoreapp2.1)) (&& (== net46) (>= netstandard2.1)) (&& (== net472) (>= monoandroid)) (&& (== net472) (>= monotouch)) (&& (== net472) (< net46)) (&& (== net472) (>= netcoreapp2.0)) (&& (== net472) (>= netcoreapp2.1)) (&& (== net472) (>= netstandard2.1)) (&& (== net472) (>= uap10.1)) (&& (== net472) (>= xamarinios)) (&& (== net472) (>= xamarinmac)) (&& (== net472) (>= xamarintvos)) (&& (== net472) (>= xamarinwatchos)) (== netstandard2.0) (== netstandard2.1)
    System.Security.SecureString (4.3) - restriction: || (&& (== net46) (>= monoandroid9.0)) (&& (== net46) (< net45)) (&& (== net46) (>= xamarinios)) (&& (== net472) (>= monoandroid9.0)) (&& (== net472) (< net45)) (&& (== net472) (>= xamarinios)) (== netstandard2.0) (== netstandard2.1)
      Microsoft.NETCore.Platforms (>= 1.1) - restriction: || (&& (== net472) (< net46)) (== netstandard2.0) (== netstandard2.1)
      System.Resources.ResourceManager (>= 4.3) - restriction: || (&& (== net472) (< net46)) (== netstandard2.0) (== netstandard2.1)
      System.Runtime (>= 4.3) - restriction: || (&& (== net472) (< net46)) (== netstandard2.0) (== netstandard2.1)
      System.Runtime.Handles (>= 4.3) - restriction: || (&& (== net472) (< net46)) (== netstandard2.0) (== netstandard2.1)
      System.Runtime.InteropServices (>= 4.3) - restriction: || (&& (== net472) (< net46)) (== netstandard2.0) (== netstandard2.1)
      System.Security.Cryptography.Primitives (>= 4.3) - restriction: || (&& (== net472) (< net46)) (== netstandard2.0) (== netstandard2.1)
      System.Text.Encoding (>= 4.3) - restriction: || (&& (== net472) (< net46)) (== netstandard2.0) (== netstandard2.1)
      System.Threading (>= 4.3) - restriction: || (&& (== net472) (< net46)) (== netstandard2.0) (== netstandard2.1)
    System.Text.Encoding (4.3) - restriction: || (&& (== net46) (< net45)) (&& (== net472) (< net45)) (== netstandard2.0) (== netstandard2.1)
      Microsoft.NETCore.Platforms (>= 1.1) - restriction: || (&& (== net46) (< net45)) (&& (== net46) (>= netcoreapp5.0)) (&& (== net472) (< net45)) (&& (== net472) (>= netcoreapp5.0)) (== netstandard2.0) (== netstandard2.1)
      Microsoft.NETCore.Targets (>= 1.1) - restriction: || (&& (== net46) (< net45)) (&& (== net46) (>= netcoreapp5.0)) (&& (== net472) (< net45)) (&& (== net472) (>= netcoreapp5.0)) (== netstandard2.0) (== netstandard2.1)
      System.Runtime (>= 4.3) - restriction: || (&& (== net46) (< net45)) (&& (== net46) (>= netcoreapp5.0)) (&& (== net472) (< net45)) (&& (== net472) (>= netcoreapp5.0)) (== netstandard2.0) (== netstandard2.1)
    System.Text.Encoding.CodePages (5.0) - restriction: || (&& (== net46) (>= netcoreapp2.1)) (&& (== net46) (>= netstandard2.1)) (&& (== net472) (< net46)) (&& (== net472) (>= netcoreapp2.1)) (&& (== net472) (>= netstandard2.1)) (== netstandard2.0) (== netstandard2.1)
      System.Runtime.CompilerServices.Unsafe (>= 5.0) - restriction: || (&& (== net46) (>= net461)) (&& (== net46) (>= netcoreapp2.0)) (== net472) (== netstandard2.0) (== netstandard2.1)
    System.Text.Encoding.Extensions (4.3) - restriction: || (&& (== net46) (< net45) (>= netstandard1.4)) (&& (== net472) (< net45)) (== netstandard2.0) (== netstandard2.1)
      Microsoft.NETCore.Platforms (>= 1.1) - restriction: || (&& (== net46) (< net45)) (&& (== net46) (>= netcoreapp5.0)) (&& (== net472) (< net45)) (&& (== net472) (>= netcoreapp5.0)) (== netstandard2.0) (== netstandard2.1)
      Microsoft.NETCore.Targets (>= 1.1) - restriction: || (&& (== net46) (< net45)) (&& (== net46) (>= netcoreapp5.0)) (&& (== net472) (< net45)) (&& (== net472) (>= netcoreapp5.0)) (== netstandard2.0) (== netstandard2.1)
      System.Runtime (>= 4.3) - restriction: || (&& (== net46) (< net45)) (&& (== net46) (>= netcoreapp5.0)) (&& (== net472) (< net45)) (&& (== net472) (>= netcoreapp5.0)) (== netstandard2.0) (== netstandard2.1)
      System.Text.Encoding (>= 4.3) - restriction: || (&& (== net46) (< net45)) (&& (== net46) (>= netcoreapp5.0)) (&& (== net472) (< net45)) (&& (== net472) (>= netcoreapp5.0)) (== netstandard2.0) (== netstandard2.1)
    System.Text.RegularExpressions (4.3.1) - restriction: || (&& (== net46) (< net45)) (&& (== net46) (>= netcoreapp5.0)) (&& (== net472) (< net45)) (&& (== net472) (>= netcoreapp5.0)) (== netstandard2.0) (== netstandard2.1)
      System.Collections (>= 4.3) - restriction: || (&& (== net46) (< net45) (>= netstandard1.6)) (&& (== net46) (>= netcoreapp5.0)) (&& (== net472) (< net45)) (&& (== net472) (>= netcoreapp5.0)) (== netstandard2.0) (== netstandard2.1)
      System.Globalization (>= 4.3) - restriction: || (&& (== net46) (< net45) (>= netstandard1.6)) (&& (== net46) (>= netcoreapp5.0)) (&& (== net472) (< net45)) (&& (== net472) (>= netcoreapp5.0)) (== netstandard2.0) (== netstandard2.1)
      System.Resources.ResourceManager (>= 4.3) - restriction: || (&& (== net46) (< net45) (>= netstandard1.6)) (&& (== net46) (>= netcoreapp5.0)) (&& (== net472) (< net45)) (&& (== net472) (>= netcoreapp5.0)) (== netstandard2.0) (== netstandard2.1)
      System.Runtime (>= 4.3.1) - restriction: || (&& (== net46) (< net45)) (&& (== net46) (>= netcoreapp1.1)) (&& (== net472) (< net45)) (&& (== net472) (>= netcoreapp1.1)) (== netstandard2.0) (== netstandard2.1)
      System.Runtime.Extensions (>= 4.3.1) - restriction: || (&& (== net46) (< net45) (>= netstandard1.6)) (&& (== net46) (>= netcoreapp5.0)) (&& (== net472) (< net45)) (&& (== net472) (>= netcoreapp5.0)) (== netstandard2.0) (== netstandard2.1)
      System.Threading (>= 4.3) - restriction: || (&& (== net46) (< net45) (>= netstandard1.6)) (&& (== net46) (>= netcoreapp5.0)) (&& (== net472) (< net45)) (&& (== net472) (>= netcoreapp5.0)) (== netstandard2.0) (== netstandard2.1)
    System.Threading (4.3) - restriction: || (&& (== net46) (< net45)) (&& (== net46) (>= xamarinios)) (&& (== net472) (< net45)) (&& (== net472) (>= xamarinios)) (== netstandard2.0) (== netstandard2.1)
      System.Runtime (>= 4.3) - restriction: || (&& (== net46) (< net45)) (&& (== net46) (>= netcoreapp5.0)) (&& (== net472) (< net45)) (&& (== net472) (>= netcoreapp5.0)) (== netstandard2.0) (== netstandard2.1)
      System.Threading.Tasks (>= 4.3) - restriction: || (&& (== net46) (< net45)) (&& (== net46) (>= netcoreapp5.0)) (&& (== net472) (< net45)) (&& (== net472) (>= netcoreapp5.0)) (== netstandard2.0) (== netstandard2.1)
    System.Threading.Tasks (4.3) - restriction: || (&& (== net46) (< net45) (>= netstandard1.4)) (&& (== net472) (< net45)) (== netstandard2.0) (== netstandard2.1)
      Microsoft.NETCore.Platforms (>= 1.1) - restriction: || (&& (== net46) (< net45)) (&& (== net46) (>= netcoreapp5.0)) (&& (== net472) (< net45)) (&& (== net472) (>= netcoreapp5.0)) (== netstandard2.0) (== netstandard2.1)
      Microsoft.NETCore.Targets (>= 1.1) - restriction: || (&& (== net46) (< net45)) (&& (== net46) (>= netcoreapp5.0)) (&& (== net472) (< net45)) (&& (== net472) (>= netcoreapp5.0)) (== netstandard2.0) (== netstandard2.1)
      System.Runtime (>= 4.3) - restriction: || (&& (== net46) (< net45)) (&& (== net46) (>= netcoreapp5.0)) (&& (== net472) (< net45)) (&& (== net472) (>= netcoreapp5.0)) (== netstandard2.0) (== netstandard2.1)
    System.Threading.Tasks.Extensions (4.5.4) - restriction: || (&& (== net46) (< net45)) (&& (== net46) (>= netcoreapp5.0)) (&& (== net472) (< net45)) (&& (== net472) (>= netcoreapp5.0)) (== netstandard2.0) (== netstandard2.1)
      System.Runtime.CompilerServices.Unsafe (>= 4.5.3)
    System.Threading.Thread (4.3) - restriction: || (&& (== net46) (< net45) (>= netstandard1.4)) (&& (== net472) (< net45)) (== netstandard2.0) (== netstandard2.1)
      System.Runtime (>= 4.3) - restriction: || (&& (== net472) (< net46)) (== netstandard2.0) (== netstandard2.1)
    System.Threading.ThreadPool (4.3) - restriction: || (&& (== net46) (< net45) (>= netstandard1.4)) (&& (== net472) (< net45)) (== netstandard2.0) (== netstandard2.1)
      System.Runtime (>= 4.3) - restriction: || (&& (== net472) (< net46)) (== netstandard2.0) (== netstandard2.1)
      System.Runtime.Handles (>= 4.3) - restriction: || (&& (== net472) (< net46)) (== netstandard2.0) (== netstandard2.1)
    System.Xml.ReaderWriter (4.3.1) - restriction: || (&& (== net46) (< net45)) (&& (== net46) (>= netcoreapp5.0)) (&& (== net472) (< net45)) (&& (== net472) (>= netcoreapp5.0)) (== netstandard2.0) (== netstandard2.1)
      System.Collections (>= 4.3) - restriction: || (&& (== net46) (< net45)) (&& (== net46) (>= netcoreapp5.0)) (&& (== net472) (< net45)) (&& (== net472) (>= netcoreapp5.0)) (== netstandard2.0) (== netstandard2.1)
      System.Diagnostics.Debug (>= 4.3) - restriction: || (&& (== net46) (< net45)) (&& (== net46) (>= netcoreapp5.0)) (&& (== net472) (< net45)) (&& (== net472) (>= netcoreapp5.0)) (== netstandard2.0) (== netstandard2.1)
      System.Globalization (>= 4.3) - restriction: || (&& (== net46) (< net45)) (&& (== net46) (>= netcoreapp5.0)) (&& (== net472) (< net45)) (&& (== net472) (>= netcoreapp5.0)) (== netstandard2.0) (== netstandard2.1)
      System.IO (>= 4.3) - restriction: || (&& (== net46) (< net45)) (&& (== net46) (>= netcoreapp5.0)) (&& (== net472) (< net45)) (&& (== net472) (>= netcoreapp5.0)) (== netstandard2.0) (== netstandard2.1)
      System.IO.FileSystem (>= 4.3) - restriction: || (&& (== net46) (< net45)) (&& (== net46) (>= netcoreapp5.0)) (&& (== net472) (< net45)) (&& (== net472) (>= netcoreapp5.0)) (== netstandard2.0) (== netstandard2.1)
      System.IO.FileSystem.Primitives (>= 4.3) - restriction: || (&& (== net46) (< net45)) (&& (== net46) (>= netcoreapp5.0)) (&& (== net472) (< net45)) (&& (== net472) (>= netcoreapp5.0)) (== netstandard2.0) (== netstandard2.1)
      System.Resources.ResourceManager (>= 4.3) - restriction: || (&& (== net46) (< net45)) (&& (== net46) (>= netcoreapp5.0)) (&& (== net472) (< net45)) (&& (== net472) (>= netcoreapp5.0)) (== netstandard2.0) (== netstandard2.1)
      System.Runtime (>= 4.3) - restriction: || (&& (== net46) (< net45)) (&& (== net46) (>= netcoreapp5.0)) (&& (== net472) (< net45)) (&& (== net472) (>= netcoreapp5.0)) (== netstandard2.0) (== netstandard2.1)
      System.Runtime.Extensions (>= 4.3) - restriction: || (&& (== net46) (< net45)) (&& (== net46) (>= netcoreapp5.0)) (&& (== net472) (< net45)) (&& (== net472) (>= netcoreapp5.0)) (== netstandard2.0) (== netstandard2.1)
      System.Runtime.InteropServices (>= 4.3) - restriction: || (&& (== net46) (< net45)) (&& (== net46) (>= netcoreapp5.0)) (&& (== net472) (< net45)) (&& (== net472) (>= netcoreapp5.0)) (== netstandard2.0) (== netstandard2.1)
      System.Text.Encoding (>= 4.3) - restriction: || (&& (== net46) (< net45)) (&& (== net46) (>= netcoreapp5.0)) (&& (== net472) (< net45)) (&& (== net472) (>= netcoreapp5.0)) (== netstandard2.0) (== netstandard2.1)
      System.Text.Encoding.Extensions (>= 4.3) - restriction: || (&& (== net46) (< net45)) (&& (== net46) (>= netcoreapp5.0)) (&& (== net472) (< net45)) (&& (== net472) (>= netcoreapp5.0)) (== netstandard2.0) (== netstandard2.1)
      System.Text.RegularExpressions (>= 4.3) - restriction: || (&& (== net46) (< net45)) (&& (== net46) (>= netcoreapp5.0)) (&& (== net472) (< net45)) (&& (== net472) (>= netcoreapp5.0)) (== netstandard2.0) (== netstandard2.1)
      System.Threading.Tasks (>= 4.3) - restriction: || (&& (== net46) (< net45)) (&& (== net46) (>= netcoreapp5.0)) (&& (== net472) (< net45)) (&& (== net472) (>= netcoreapp5.0)) (== netstandard2.0) (== netstandard2.1)
      System.Threading.Tasks.Extensions (>= 4.3) - restriction: || (&& (== net46) (< net45)) (&& (== net46) (>= netcoreapp5.0)) (&& (== net472) (< net45)) (&& (== net472) (>= netcoreapp5.0)) (== netstandard2.0) (== netstandard2.1)
    System.Xml.XDocument (4.3) - restriction: || (&& (== net46) (< net45)) (&& (== net472) (< net45)) (== netstandard2.0) (== netstandard2.1)
      System.Collections (>= 4.3) - restriction: || (&& (== net46) (< net45)) (&& (== net46) (>= netcoreapp5.0)) (&& (== net472) (< net45)) (&& (== net472) (>= netcoreapp5.0)) (== netstandard2.0) (== netstandard2.1)
      System.Diagnostics.Debug (>= 4.3) - restriction: || (&& (== net46) (< net45)) (&& (== net46) (>= netcoreapp5.0)) (&& (== net472) (< net45)) (&& (== net472) (>= netcoreapp5.0)) (== netstandard2.0) (== netstandard2.1)
      System.Diagnostics.Tools (>= 4.3) - restriction: || (&& (== net46) (< net45)) (&& (== net46) (>= netcoreapp5.0)) (&& (== net472) (< net45)) (&& (== net472) (>= netcoreapp5.0)) (== netstandard2.0) (== netstandard2.1)
      System.Globalization (>= 4.3) - restriction: || (&& (== net46) (< net45)) (&& (== net46) (>= netcoreapp5.0)) (&& (== net472) (< net45)) (&& (== net472) (>= netcoreapp5.0)) (== netstandard2.0) (== netstandard2.1)
      System.IO (>= 4.3) - restriction: || (&& (== net46) (< net45)) (&& (== net46) (>= netcoreapp5.0)) (&& (== net472) (< net45)) (&& (== net472) (>= netcoreapp5.0)) (== netstandard2.0) (== netstandard2.1)
      System.Reflection (>= 4.3) - restriction: || (&& (== net46) (< net45)) (&& (== net46) (>= netcoreapp5.0)) (&& (== net472) (< net45)) (&& (== net472) (>= netcoreapp5.0)) (== netstandard2.0) (== netstandard2.1)
      System.Resources.ResourceManager (>= 4.3) - restriction: || (&& (== net46) (< net45)) (&& (== net46) (>= netcoreapp5.0)) (&& (== net472) (< net45)) (&& (== net472) (>= netcoreapp5.0)) (== netstandard2.0) (== netstandard2.1)
      System.Runtime (>= 4.3) - restriction: || (&& (== net46) (< net45)) (&& (== net46) (>= netcoreapp5.0)) (&& (== net472) (< net45)) (&& (== net472) (>= netcoreapp5.0)) (== netstandard2.0) (== netstandard2.1)
      System.Runtime.Extensions (>= 4.3) - restriction: || (&& (== net46) (< net45)) (&& (== net46) (>= netcoreapp5.0)) (&& (== net472) (< net45)) (&& (== net472) (>= netcoreapp5.0)) (== netstandard2.0) (== netstandard2.1)
      System.Text.Encoding (>= 4.3) - restriction: || (&& (== net46) (< net45)) (&& (== net46) (>= netcoreapp5.0)) (&& (== net472) (< net45)) (&& (== net472) (>= netcoreapp5.0)) (== netstandard2.0) (== netstandard2.1)
      System.Threading (>= 4.3) - restriction: || (&& (== net46) (< net45)) (&& (== net46) (>= netcoreapp5.0)) (&& (== net472) (< net45)) (&& (== net472) (>= netcoreapp5.0)) (== netstandard2.0) (== netstandard2.1)
      System.Xml.ReaderWriter (>= 4.3) - restriction: || (&& (== net46) (< net45)) (&& (== net46) (>= netcoreapp5.0)) (&& (== net472) (< net45)) (&& (== net472) (>= netcoreapp5.0)) (== netstandard2.0) (== netstandard2.1)
    System.Xml.XmlDocument (4.3) - restriction: || (&& (== net46) (< net45)) (&& (== net46) (>= xamarinios)) (&& (== net472) (< net45)) (&& (== net472) (>= xamarinios)) (== netstandard2.0) (== netstandard2.1)
      System.Collections (>= 4.3) - restriction: || (&& (== net472) (< net46)) (== netstandard2.0) (== netstandard2.1)
      System.Diagnostics.Debug (>= 4.3) - restriction: || (&& (== net472) (< net46)) (== netstandard2.0) (== netstandard2.1)
      System.Globalization (>= 4.3) - restriction: || (&& (== net472) (< net46)) (== netstandard2.0) (== netstandard2.1)
      System.IO (>= 4.3) - restriction: || (&& (== net472) (< net46)) (== netstandard2.0) (== netstandard2.1)
      System.Resources.ResourceManager (>= 4.3) - restriction: || (&& (== net472) (< net46)) (== netstandard2.0) (== netstandard2.1)
      System.Runtime (>= 4.3) - restriction: || (&& (== net472) (< net46)) (== netstandard2.0) (== netstandard2.1)
      System.Runtime.Extensions (>= 4.3) - restriction: || (&& (== net472) (< net46)) (== netstandard2.0) (== netstandard2.1)
      System.Text.Encoding (>= 4.3) - restriction: || (&& (== net472) (< net46)) (== netstandard2.0) (== netstandard2.1)
      System.Threading (>= 4.3) - restriction: || (&& (== net472) (< net46)) (== netstandard2.0) (== netstandard2.1)
      System.Xml.ReaderWriter (>= 4.3) - restriction: || (&& (== net472) (< net46)) (== netstandard2.0) (== netstandard2.1)
    System.Xml.XmlSerializer (4.3) - restriction: || (&& (== net46) (< net45)) (&& (== net46) (>= netcoreapp5.0)) (&& (== net472) (< net45)) (&& (== net472) (>= netcoreapp5.0)) (== netstandard2.0) (== netstandard2.1)
      System.Collections (>= 4.3) - restriction: || (&& (== net46) (< net45)) (&& (== net46) (>= netcoreapp5.0)) (&& (== net472) (< net45)) (&& (== net472) (>= netcoreapp5.0)) (== netstandard2.0) (== netstandard2.1)
      System.Globalization (>= 4.3) - restriction: || (&& (== net46) (< net45)) (&& (== net46) (>= netcoreapp5.0)) (&& (== net472) (< net45)) (&& (== net472) (>= netcoreapp5.0)) (== netstandard2.0) (== netstandard2.1)
      System.IO (>= 4.3) - restriction: || (&& (== net46) (< net45)) (&& (== net46) (>= netcoreapp5.0)) (&& (== net472) (< net45)) (&& (== net472) (>= netcoreapp5.0)) (== netstandard2.0) (== netstandard2.1)
      System.Linq (>= 4.3) - restriction: || (&& (== net46) (< net45)) (&& (== net46) (>= netcoreapp5.0)) (&& (== net472) (< net45)) (&& (== net472) (>= netcoreapp5.0)) (== netstandard2.0) (== netstandard2.1)
      System.Reflection (>= 4.3) - restriction: || (&& (== net46) (< net45)) (&& (== net46) (>= netcoreapp5.0)) (&& (== net472) (< net45)) (&& (== net472) (>= netcoreapp5.0)) (== netstandard2.0) (== netstandard2.1)
      System.Reflection.Emit (>= 4.3) - restriction: || (&& (== net46) (< net45)) (&& (== net46) (>= netcoreapp5.0)) (&& (== net472) (< net45)) (&& (== net472) (>= netcoreapp5.0)) (== netstandard2.0) (== netstandard2.1)
      System.Reflection.Emit.ILGeneration (>= 4.3) - restriction: || (&& (== net46) (< net45)) (&& (== net46) (>= netcoreapp5.0)) (&& (== net472) (< net45)) (&& (== net472) (>= netcoreapp5.0)) (== netstandard2.0) (== netstandard2.1)
      System.Reflection.Extensions (>= 4.3) - restriction: || (&& (== net46) (< net45)) (&& (== net46) (>= netcoreapp5.0)) (&& (== net472) (< net45)) (&& (== net472) (>= netcoreapp5.0)) (== netstandard2.0) (== netstandard2.1)
      System.Reflection.Primitives (>= 4.3) - restriction: || (&& (== net46) (< net45)) (&& (== net46) (>= netcoreapp5.0)) (&& (== net472) (< net45)) (&& (== net472) (>= netcoreapp5.0)) (== netstandard2.0) (== netstandard2.1)
      System.Reflection.TypeExtensions (>= 4.3) - restriction: || (&& (== net46) (< net45)) (&& (== net46) (>= netcoreapp5.0)) (&& (== net472) (< net45)) (&& (== net472) (>= netcoreapp5.0)) (== netstandard2.0) (== netstandard2.1)
      System.Resources.ResourceManager (>= 4.3) - restriction: || (&& (== net46) (< net45)) (&& (== net46) (>= netcoreapp5.0)) (&& (== net472) (< net45)) (&& (== net472) (>= netcoreapp5.0)) (== netstandard2.0) (== netstandard2.1)
      System.Runtime (>= 4.3) - restriction: || (&& (== net46) (< net45)) (&& (== net46) (>= netcoreapp5.0)) (&& (== net472) (< net45)) (&& (== net472) (>= netcoreapp5.0)) (== netstandard2.0) (== netstandard2.1)
      System.Runtime.Extensions (>= 4.3) - restriction: || (&& (== net46) (< net45)) (&& (== net46) (>= netcoreapp5.0)) (&& (== net472) (< net45)) (&& (== net472) (>= netcoreapp5.0)) (== netstandard2.0) (== netstandard2.1)
      System.Text.RegularExpressions (>= 4.3) - restriction: || (&& (== net46) (< net45)) (&& (== net46) (>= netcoreapp5.0)) (&& (== net472) (< net45)) (&& (== net472) (>= netcoreapp5.0)) (== netstandard2.0) (== netstandard2.1)
      System.Threading (>= 4.3) - restriction: || (&& (== net46) (< net45)) (&& (== net46) (>= netcoreapp5.0)) (&& (== net472) (< net45)) (&& (== net472) (>= netcoreapp5.0)) (== netstandard2.0) (== netstandard2.1)
      System.Xml.ReaderWriter (>= 4.3) - restriction: || (&& (== net46) (< net45)) (&& (== net46) (>= netcoreapp5.0)) (&& (== net472) (< net45)) (&& (== net472) (>= netcoreapp5.0)) (== netstandard2.0) (== netstandard2.1)
      System.Xml.XmlDocument (>= 4.3) - restriction: || (&& (== net46) (< net45)) (&& (== net46) (>= netcoreapp5.0)) (&& (== net472) (< net45)) (&& (== net472) (>= netcoreapp5.0)) (== netstandard2.0) (== netstandard2.1)

GROUP Server
STORAGE: NONE
RESTRICTION: == netcoreapp3.1
NUGET
  remote: https://api.nuget.org/v3/index.json
    Fable.Core (3.1.6)
      FSharp.Core (>= 4.7.1)
    Fable.Remoting.Giraffe (4.13)
      Fable.Remoting.Server (>= 5.12)
      FSharp.Core (>= 4.6.2)
      Giraffe (>= 3.6)
    Fable.Remoting.Json (2.12)
      FSharp.Core (>= 4.6.2)
      Newtonsoft.Json (>= 12.0.2)
    Fable.Remoting.MsgPack (1.6.2)
      FSharp.Core (>= 4.6.2)
      TypeShape (>= 8.0.1)
    Fable.Remoting.Server (5.12)
      Fable.Remoting.Json (>= 2.12)
      Fable.Remoting.MsgPack (>= 1.6.2)
      FSharp.Core (>= 4.6.2)
      TypeShape (>= 8.0.1)
    FSharp.Control.Websockets (0.2.2)
      FSharp.Core (>= 4.3.4)
      Microsoft.IO.RecyclableMemoryStream (>= 1.2.2)
    FSharp.Core (5.0)
    FSharp.Data (3.3.3)
      FSharp.Core (>= 4.3.4)
    Giraffe (4.1)
      FSharp.Core (>= 4.7)
      Microsoft.IO.RecyclableMemoryStream (>= 1.2.2)
      Newtonsoft.Json (>= 12.0.2)
      TaskBuilder.fs (>= 2.1)
      Utf8Json (>= 1.3.7)
    Microsoft.AspNetCore.Authentication.JwtBearer (3.0.2)
      Microsoft.IdentityModel.Protocols.OpenIdConnect (>= 5.5)
    Microsoft.CSharp (4.7)
    Microsoft.Extensions.Configuration.Abstractions (5.0)
      Microsoft.Extensions.Primitives (>= 5.0)
    Microsoft.Extensions.Configuration.Binder (5.0)
      Microsoft.Extensions.Configuration.Abstractions (>= 5.0)
    Microsoft.Extensions.DependencyInjection (5.0)
      Microsoft.Extensions.DependencyInjection.Abstractions (>= 5.0)
    Microsoft.Extensions.DependencyInjection.Abstractions (5.0)
    Microsoft.Extensions.DependencyModel (5.0)
      System.Text.Encodings.Web (>= 5.0)
      System.Text.Json (>= 5.0)
    Microsoft.Extensions.FileProviders.Abstractions (5.0)
      Microsoft.Extensions.Primitives (>= 5.0)
    Microsoft.Extensions.Hosting.Abstractions (5.0)
      Microsoft.Extensions.Configuration.Abstractions (>= 5.0)
      Microsoft.Extensions.DependencyInjection.Abstractions (>= 5.0)
      Microsoft.Extensions.FileProviders.Abstractions (>= 5.0)
    Microsoft.Extensions.Logging (5.0)
      Microsoft.Extensions.DependencyInjection (>= 5.0)
      Microsoft.Extensions.DependencyInjection.Abstractions (>= 5.0)
      Microsoft.Extensions.Logging.Abstractions (>= 5.0)
      Microsoft.Extensions.Options (>= 5.0)
      System.Diagnostics.DiagnosticSource (>= 5.0)
    Microsoft.Extensions.Logging.Abstractions (5.0)
    Microsoft.Extensions.Options (5.0)
      Microsoft.Extensions.DependencyInjection.Abstractions (>= 5.0)
      Microsoft.Extensions.Primitives (>= 5.0)
    Microsoft.Extensions.Options.ConfigurationExtensions (5.0)
      Microsoft.Extensions.Configuration.Abstractions (>= 5.0)
      Microsoft.Extensions.Configuration.Binder (>= 5.0)
      Microsoft.Extensions.DependencyInjection.Abstractions (>= 5.0)
      Microsoft.Extensions.Options (>= 5.0)
      Microsoft.Extensions.Primitives (>= 5.0)
    Microsoft.Extensions.Primitives (5.0)
    Microsoft.IdentityModel.JsonWebTokens (6.8)
      Microsoft.IdentityModel.Tokens (>= 6.8)
    Microsoft.IdentityModel.Logging (6.8)
    Microsoft.IdentityModel.Protocols (6.8)
      Microsoft.IdentityModel.Logging (>= 6.8)
      Microsoft.IdentityModel.Tokens (>= 6.8)
    Microsoft.IdentityModel.Protocols.OpenIdConnect (6.8)
      Microsoft.IdentityModel.Protocols (>= 6.8)
      System.IdentityModel.Tokens.Jwt (>= 6.8)
    Microsoft.IdentityModel.Tokens (6.8)
      Microsoft.CSharp (>= 4.5)
      Microsoft.IdentityModel.Logging (>= 6.8)
      System.Security.Cryptography.Cng (>= 4.5)
    Microsoft.IO.RecyclableMemoryStream (1.3.6)
    Microsoft.NETCore.Platforms (5.0)
    Microsoft.NETCore.Targets (5.0)
    NETStandard.Library (2.0.3)
      Microsoft.NETCore.Platforms (>= 1.1)
    Newtonsoft.Json (12.0.3)
    runtime.native.System (4.3.1)
      Microsoft.NETCore.Platforms (>= 1.1.1)
      Microsoft.NETCore.Targets (>= 1.1.3)
    Saturn (0.12.1)
      FSharp.Control.Websockets (>= 0.2.2)
      FSharp.Core (>= 4.7)
      Giraffe (>= 4.0.1)
      Microsoft.AspNetCore.Authentication.JwtBearer (>= 3.0.2)
      System.Threading.Tasks.Dataflow (>= 4.11)
    Serilog (2.10)
    Serilog.AspNetCore (3.4)
      Microsoft.Extensions.DependencyInjection (>= 3.1.2)
      Microsoft.Extensions.Logging (>= 3.1.2)
      Serilog (>= 2.9)
      Serilog.Extensions.Hosting (>= 3.1)
      Serilog.Formatting.Compact (>= 1.1)
      Serilog.Settings.Configuration (>= 3.1)
      Serilog.Sinks.Console (>= 3.1.1)
      Serilog.Sinks.Debug (>= 1.0.1)
      Serilog.Sinks.File (>= 4.1)
    Serilog.Extensions.Hosting (3.1)
      Microsoft.Extensions.DependencyInjection.Abstractions (>= 2.1)
      Microsoft.Extensions.Hosting.Abstractions (>= 2.1)
      Microsoft.Extensions.Logging.Abstractions (>= 2.1)
      Serilog (>= 2.8)
      Serilog.Extensions.Logging (>= 3.0.1)
    Serilog.Extensions.Logging (3.0.1)
      Microsoft.Extensions.Logging (>= 2.0)
      Serilog (>= 2.8)
    Serilog.Formatting.Compact (1.1)
      Serilog (>= 2.8)
    Serilog.Settings.Configuration (3.1)
      Microsoft.Extensions.DependencyModel (>= 2.0.4)
      Microsoft.Extensions.Options.ConfigurationExtensions (>= 2.0)
      Serilog (>= 2.6)
    Serilog.Sinks.Console (3.1.1)
      Serilog (>= 2.5)
      System.Console (>= 4.3)
      System.Runtime.InteropServices (>= 4.3)
      System.Runtime.InteropServices.RuntimeInformation (>= 4.3)
    Serilog.Sinks.Debug (1.0.1)
      Serilog (>= 2.5)
      System.Diagnostics.Debug (>= 4.3)
    Serilog.Sinks.File (4.1)
      Serilog (>= 2.5)
      System.IO.FileSystem (>= 4.0.1)
      System.Text.Encoding.Extensions (>= 4.0.11)
      System.Threading.Timer (>= 4.0.1)
    System.Console (4.3.1)
      Microsoft.NETCore.Platforms (>= 1.1)
      Microsoft.NETCore.Targets (>= 1.1.2)
      System.IO (>= 4.3)
      System.Runtime (>= 4.3)
      System.Text.Encoding (>= 4.3)
    System.Diagnostics.Debug (4.3)
      Microsoft.NETCore.Platforms (>= 1.1)
      Microsoft.NETCore.Targets (>= 1.1)
      System.Runtime (>= 4.3)
    System.Diagnostics.DiagnosticSource (5.0)
    System.Formats.Asn1 (5.0)
    System.Globalization (4.3)
      Microsoft.NETCore.Platforms (>= 1.1)
      Microsoft.NETCore.Targets (>= 1.1)
      System.Runtime (>= 4.3)
    System.IdentityModel.Tokens.Jwt (6.8)
      Microsoft.IdentityModel.JsonWebTokens (>= 6.8)
      Microsoft.IdentityModel.Tokens (>= 6.8)
    System.IO (4.3)
      Microsoft.NETCore.Platforms (>= 1.1)
      Microsoft.NETCore.Targets (>= 1.1)
      System.Runtime (>= 4.3)
      System.Text.Encoding (>= 4.3)
      System.Threading.Tasks (>= 4.3)
    System.IO.FileSystem (4.3)
      Microsoft.NETCore.Platforms (>= 1.1)
      Microsoft.NETCore.Targets (>= 1.1)
      System.IO (>= 4.3)
      System.IO.FileSystem.Primitives (>= 4.3)
      System.Runtime (>= 4.3)
      System.Runtime.Handles (>= 4.3)
      System.Text.Encoding (>= 4.3)
      System.Threading.Tasks (>= 4.3)
    System.IO.FileSystem.Primitives (4.3)
      System.Runtime (>= 4.3)
    System.Reflection (4.3)
      Microsoft.NETCore.Platforms (>= 1.1)
      Microsoft.NETCore.Targets (>= 1.1)
      System.IO (>= 4.3)
      System.Reflection.Primitives (>= 4.3)
      System.Runtime (>= 4.3)
    System.Reflection.Emit (4.7)
    System.Reflection.Emit.Lightweight (4.7)
    System.Reflection.Extensions (4.3)
      Microsoft.NETCore.Platforms (>= 1.1)
      Microsoft.NETCore.Targets (>= 1.1)
      System.Reflection (>= 4.3)
      System.Runtime (>= 4.3)
    System.Reflection.Primitives (4.3)
      Microsoft.NETCore.Platforms (>= 1.1)
      Microsoft.NETCore.Targets (>= 1.1)
      System.Runtime (>= 4.3)
    System.Resources.ResourceManager (4.3)
      Microsoft.NETCore.Platforms (>= 1.1)
      Microsoft.NETCore.Targets (>= 1.1)
      System.Globalization (>= 4.3)
      System.Reflection (>= 4.3)
      System.Runtime (>= 4.3)
    System.Runtime (4.3.1)
      Microsoft.NETCore.Platforms (>= 1.1.1)
      Microsoft.NETCore.Targets (>= 1.1.3)
    System.Runtime.Handles (4.3)
      Microsoft.NETCore.Platforms (>= 1.1)
      Microsoft.NETCore.Targets (>= 1.1)
      System.Runtime (>= 4.3)
    System.Runtime.InteropServices (4.3)
      Microsoft.NETCore.Platforms (>= 1.1)
      Microsoft.NETCore.Targets (>= 1.1)
      System.Reflection (>= 4.3)
      System.Reflection.Primitives (>= 4.3)
      System.Runtime (>= 4.3)
      System.Runtime.Handles (>= 4.3)
    System.Runtime.InteropServices.RuntimeInformation (4.3)
      runtime.native.System (>= 4.3)
      System.Reflection (>= 4.3)
      System.Reflection.Extensions (>= 4.3)
      System.Resources.ResourceManager (>= 4.3)
      System.Runtime (>= 4.3)
      System.Runtime.InteropServices (>= 4.3)
      System.Threading (>= 4.3)
    System.Security.Cryptography.Cng (5.0)
      System.Formats.Asn1 (>= 5.0)
    System.Text.Encoding (4.3)
      Microsoft.NETCore.Platforms (>= 1.1)
      Microsoft.NETCore.Targets (>= 1.1)
      System.Runtime (>= 4.3)
    System.Text.Encoding.Extensions (4.3)
      Microsoft.NETCore.Platforms (>= 1.1)
      Microsoft.NETCore.Targets (>= 1.1)
      System.Runtime (>= 4.3)
      System.Text.Encoding (>= 4.3)
    System.Text.Encodings.Web (5.0)
    System.Text.Json (5.0)
    System.Threading (4.3)
      System.Runtime (>= 4.3)
      System.Threading.Tasks (>= 4.3)
    System.Threading.Tasks (4.3)
      Microsoft.NETCore.Platforms (>= 1.1)
      Microsoft.NETCore.Targets (>= 1.1)
      System.Runtime (>= 4.3)
    System.Threading.Tasks.Dataflow (5.0)
    System.Threading.Tasks.Extensions (4.5.4)
    System.Threading.Timer (4.3)
      Microsoft.NETCore.Platforms (>= 1.1)
      Microsoft.NETCore.Targets (>= 1.1)
      System.Runtime (>= 4.3)
    System.ValueTuple (4.5)
    TaskBuilder.fs (2.1)
      FSharp.Core (>= 4.1.17)
      NETStandard.Library (>= 1.6.1)
      System.ValueTuple (>= 4.4)
    Thoth.Json.Giraffe (4.2)
      FSharp.Core (>= 4.7)
      Giraffe (>= 3.6)
      Thoth.Json.Net (>= 4.0)
    Thoth.Json.Net (5.0)
      Fable.Core (>= 3.0 < 4.0)
      FSharp.Core (>= 4.7.2)
      Newtonsoft.Json (>= 11.0.2)
    TypeShape (9.0)
      FSharp.Core (>= 4.3.2)
    Utf8Json (1.3.7)
      System.Reflection.Emit (>= 4.3)
      System.Reflection.Emit.Lightweight (>= 4.3)
      System.Threading.Tasks.Extensions (>= 4.4)
      System.ValueTuple (>= 4.4)
